eburp_evol_pw_OFF 6 1 400000 0 1e-07 2 1 0 1 64
1 5626.8 
0 
dec3wave 2 2 8 0 0 2 1 0 1 64
1 "g"
0 
bs 7 1 32767 0 1 2 1 0 1 64
1 1 
0 
apptype 2 2 8 0 0 2 1 1 1 64
1 "gmapz"
0 
acqdim 7 1 32767 0 0 2 1 0 1 64
1 2 
0 
NTppdate 2 2 8 0 0 2 1 0 1 64
1 "Mon Mar  2 13:29:05 2015
"
0 
Gmapname 2 2 8 0 0 2 1 1 1 64
1 ""
0 
Archive2 2 2 8 0 0 2 1 0 1 64
1 "/export/home/chempack/vnmrsys/Archive2"
0 
Archive1 2 2 8 0 0 2 1 0 1 64
1 "/export/home/chempack/vnmrsys/Archive1"
0 
ACQtime 1 1 9.99999984307e+17 -9.99999984307e+17 0 2 1 0 1 64
1 18 
0 
Gmap 2 2 8 0 0 2 1 1 1 64
1 "no"
0 
NTdir 2 2 8 0 0 2 1 0 1 64
1 "/home/bifchem/vnmrsys/Ntools6.0"
0 
MinSW 2 2 8 0 0 3 1 0 1 64
1 "off"
4 "off" "auto" "manual" "skip" 
PFGflg 4 2 4 0 0 2 1 0 1 64
1 "y"
0 
NTppsource 2 2 8 0 0 2 1 0 1 64
1 "/master/PP/mtlib/vmb_2D_hydr2ar_dev_mt"
0 
REQexp 2 2 8 0 0 4 1 256 1 64
2 ""
"ignore"
0 
acqcycles 1 1 9.99999984307e+17 -9.99999984307e+17 0 2 1 0 1 64
1 64 
0 
alfa 6 1 8190 -8190 0.0125 2 1 2 1 64
1 32.0125 
0 
actionid 2 2 8 0 0 2 1 0 1 64
1 "null"
0 
acqstatus 7 1 32767 0 0 2 1 0 1 64
2 101 235 
0 
acqpath 2 2 8 0 0 2 1 0 1 64
1 ""
0 
adirtmplt 2 2 8 0 0 2 1 0 1 64
1 ""
0 
adir2tmplt 2 2 8 0 0 2 1 0 1 64
1 ""
0 
aig 2 2 2 0 0 4 1 1 1 64
1 "ai"
2 "nm" "ai" 
ap 2 2 1023 0 0 4 1 6 1 64
14 "1:SAMPLE:date,solvent,file;"
"1:ACQUISITION:sfrq:3,tn:2,at:3,np:0,sw:1,fb:0,bs(bs):0,ss(ss):0,tpwr(tpwr):0,pw:1,p1(p1):1,d1:3,tof:1,nt:0,ct:0,alock,gain:0;"
"1:FLAGS:il,in,dp,hs;"
"1:GRADIENT SHIM:gzsize:0,gzlvl:0,gzwin:1,d2:4,d3:4,vtcomplvl:0,gstab:5,shift:5;"
"1(ni):2D ACQUISITION:sw1:1,ni:0,phase:0;"
"1(ni2):3D ACQUISITION:d3:0,sw2:1,ni2:0,phase2:0;"
"1:DISPLAY:sp:1,wp:1,vs:0,sc:0,wc:0,hzmm:2,is:2,rfl:1,rfp:1,th:0,ins:3,aig*,dcg*,dmg*;"
"1(ni):2D DISPLAY:sp1:1,wp1:1,sc2:0,wc2:0,rfl1:1,rfp1:1;"
"2:DEC. & VT:dfrq:3,dn,dpwr:0,dof:1,dm,dmm,dmf,dseq,dres:1,homo,temp(temp):1;"
"2(numrfch > 2):DEC2:dfrq2:3,dn2,dpwr2:0,dof2:1,dm2,dmm2,dmf2:0,dseq2,dres2:1,homo2;"
"2(numrfch > 3):DEC3:dfrq3:3,dn3,dpwr3:0,dof3:1,dm3,dmm3,dmf3:0,dseq3,dres3:1,homo3;"
"2:PROCESSING:cf(nf):0,lb(lb):2,sb(sb):3,sbs(sb):3,gf(gf):3,gfs(gf):3,awc(awc):3,lsfid(lsfid):0,phfid(phfid):1,wtfile,proc,fn:0,math,,werr,wexp,wbs,wnt;"
"2(ni):2D PROCESSING:lb1(lb1):3,sb1(sb1):3,sbs1(sb1):3,gf1(gf1):3,gfs1(gf1):3,awc1(awc1):3,wtfile1,proc1,fn1:0;"
"2(ni2):3D PROCESSING:lb2(lb2):2,sb2(sb2):3,sbs2(sb2):3,gf2(gf2):3,gfs2(gf2):3,awc2(awc2):3,wtfile2,proc2,fn2:0;"
0 
alock 2 2 8 0 0 2 1 0 1 64
1 "n"
5 "a" "n" "s" "u" "y" 
awc 1 1 1 -1 0.001 3 1 1 0 64
1 0 
0 
arraydodc 4 2 4 0 0 2 1 0 1 64
1 "n"
0 
array 2 2 256 0 0 2 1 1 1 64
1 "phase"
0 
archivedir 2 2 8 0 0 2 1 0 1 64
1 "/export/home/chempack/vnmrsys/data"
0 
arraydelta 7 1 32767 0 0 2 1 0 1 64
1 1 
0 
arraydim 7 1 32768 1 1 2 1 5 1 64
1 64 
0 
arrayflip 4 2 4 0 0 2 1 0 1 64
1 "n"
0 
arrayelemts 1 1 9.99999984307e+17 -9.99999984307e+17 0 2 1 0 1 64
1 2 
0 
arraydscale 4 2 4 0 0 2 1 0 1 64
1 "n"
0 
arraystop 7 1 32767 0 0 2 1 0 1 64
1 11 
0 
arraystart 7 1 32767 0 0 2 1 0 1 64
1 1 
0 
at 1 1 100 1e-05 1e-05 2 1 8203 1 64
1 0.5 
0 
axisf 4 2 4 0 0 4 1 0 1 64
1 "s"
4 "m" "n" "s" "u" 
awc2 1 1 1 -1 0.001 3 1 1 0 64
1 0 
0 
awc1 1 1 1 -1 0.001 3 1 1 0 64
1 0 
0 
axis 4 2 4 0 0 4 1 0 1 64
1 "ph"
11 "c" "d" "1" "2" "3" "h" "k" "m" "n" "p" "u" 
back_pres_delay 3 1 14 14 14 2 1 8192 1 64
1 0.1 
0 
cutoff 1 1 9.99999984307e+17 -9.99999984307e+17 0 4 1 0 0 64
1 200 
0 
celem 1 1 9.99999984307e+17 -9.99999984307e+17 0 2 1 0 1 64
1 64 
0 
bw_evol 1 1 9.99999984307e+17 -9.99999984307e+17 0 2 1 0 1 64
1 800 
0 
bw_acq 1 1 9.99999984307e+17 -9.99999984307e+17 0 2 1 0 1 64
1 800 
0 
bubble_open_delay 3 1 14 14 14 2 1 8192 1 64
1 1 
0 
bw_INEPT 1 1 9.99999984307e+17 -9.99999984307e+17 0 2 1 0 1 64
1 800 
0 
bw_aro 1 1 9.99999984307e+17 -9.99999984307e+17 0 2 1 0 1 64
1 2500 
0 
bw_aro_sel 1 1 9.99999984307e+17 -9.99999984307e+17 0 2 1 0 1 64
1 2500 
0 
bw_hydr_sel 1 1 9.99999984307e+17 -9.99999984307e+17 0 2 1 0 1 64
1 350 
0 
bw_hydr 1 1 9.99999984307e+17 -9.99999984307e+17 0 2 1 0 1 64
1 2500 
0 
bw_purge 1 1 9.99999984307e+17 -9.99999984307e+17 0 2 1 0 1 64
1 6000 
0 
cppauseflg 4 2 4 0 0 4 1 0 1 64
1 "n"
0 
console 2 2 8 0 0 2 1 0 1 64
1 "inova"
0 
cf 7 1 32767 0 1 3 1 1 0 64
1 1 
0 
comment 2 2 8 0 0 3 1 0 1 64
1 ""
0 
cp 2 2 1 0 0 2 1 0 1 64
1 "y"
2 "y" "n" 
cr2 1 1 9.99999984307e+17 -9.99999984307e+17 0 4 1 0 1 64
1 0 
0 
cr1 1 1 1000000000 -1000000000 0 4 1 3 1 64
1 -11758.7609227 
0 
cr 1 1 1000000000 -1000000000 0 4 1 1 1 64
1 4175.30037568 
0 
ct 7 1 1000000000 0 1 2 1 6 1 64
1 8 
0 
crf 1 1 9.99999984307e+17 -9.99999984307e+17 0 4 1 0 1 64
1 0 
0 
customflag 4 2 4 0 0 4 1 0 1 64
1 "n"
0 
dcg 2 2 3 0 0 4 1 1 1 64
1 ""
2 "dc" "cdc" 
dataProcessed 1 1 9.99999984307e+17 -9.99999984307e+17 0 3 1 0 1 64
1 0 
0 
d2 3 1 14 14 14 2 1 8194 1 64
1 0 
0 
d1 3 1 14 14 14 2 1 8194 1 64
1 0.001 
0 
d3 3 1 14 14 14 2 1 8194 1 64
1 0 
0 
date 2 2 9 0 0 2 1 1 1 64
1 "Apr 22 2015"
0 
dataid 2 2 8 0 0 2 1 0 1 64
1 ""
0 
datname 2 2 8 0 0 3 1 0 1 64
1 ""
0 
ddrpm 2 2 8 0 0 2 1 0 1 64
1 "p"
0 
dconi 2 2 8 0 0 4 1 0 1 64
1 ""
0 
dcheck 3 1 14 14 14 2 1 8192 1 64
1 0.01 
0 
dcrmv 4 2 9.99999984307e+17 -9.99999984307e+17 0 4 1 0 1 64
1 "n"
2 "y" "n" 
dec2wave 2 2 8 0 0 2 1 0 1 64
1 "g"
0 
dn3shapes 2 2 8 0 0 2 1 256 1 64
3 ""
""
""
0 
dhp 1 1 9 9 9 2 1 8192 0 64
1 40 
0 
dgaq 2 2 8 0 0 2 1 0 1 64
7 "1:GENERAL:file,date,,comment,project,sample,,solvent,temp,seqfil,array,arraydim,celem;"
"2:ACQUISITION:sw:2,at:3,np:0,d1:6,,bs:0,ss:0,nt:0,ct:0,dsp,fsq,fb:0,alfa:1,gain:0,pad,rof1:1,rof2:1;"
"3:INDIRECT_1:sw1:2,ni:0,phase:0,d2:6;"
"3:INDIRECT_2:sw2:2,ni2:0,phase2:0,d3:6;"
"3:INDIRECT_3:sw3:2,ni3:0,phase3:0,d4:6;"
"4:MISC:rfchannel,probeId,gradtype,pfgon;"
"4:FLAGS:werr,wexp,wbs,wnt,,il,in,dp,cp;"
0 
dfrq2 1 1 1000000000 0 0 2 1 9 1 64
1 0 
0 
delta1 1 1 2000000 0 0 4 1 3 1 64
1 307.207207207 
0 
decwave 2 2 8 0 0 2 1 0 1 64
1 "g"
0 
delta 1 1 2000000 0 0 4 1 1 1 64
1 473.310122283 
0 
deltaf 1 1 100 0 0 4 1 0 1 64
1 0.214107142857 
0 
delta2 1 1 9.99999984307e+17 -9.99999984307e+17 0 4 1 0 1 64
1 0 
0 
dfrq 5 1 1000000000 -1000000000 0 2 1 8 1 64
1 0 
0 
dg 2 2 1023 0 0 4 1 6 1 64
1 "1:ACQUISITION:sfrq:3,tn,at:3,np:0,sw:1,ss:0,tpwr(tpwr):0,pw:1,p1(p1):1,d1:3,tof:1,nt:0,ct:0,gain:0;2:SAMPLE:date,file,solvent,temp:1,;2:DECOUPLING:dn,dof:1,dm,dmm,dmf,dpwr(dpwr):0,dhp(dhp):0,dlp(dlp):0;3:PROCESSING:fn,lb(lb),sb:6,sbs(sb):6,,wnt(wnt),wbs(wbs),wexp(wexp),werr(werr);4:GRADIENT SHIM:gzsize:0,gzlvl:0,gzwin:1,d2:4,d3:4,vtcomplvl:0,gstab:5,shift:5,;4:FLAGS:il,in,dp,;"
0 
dfrq3 1 1 1000000000 0 0 2 1 9 1 64
1 0 
0 
dfrq4 1 1 1000000000 0 0 2 1 9 1 64
1 0 
0 
dg2 2 2 1023 0 0 4 1 7 1 64
1 "1:1st DECOUPLING:dfrq:3,dn,dpwr:0,dof:1,dm,dmm,dmf:0,dseq,dres:1,,pwxlvl:0,pwx:1;2(numrfch > 2):2nd DECOUPLING:dfrq2:3,dn2,dpwr2:0,dof2:1,dm2,dmm2,dmf2:0,dseq2,dres2:1;3:GRADIENT SHIM:gzsize,gzlvl,gzwin:1,tof:1,d2:4;3: :[d3:4];"
0 
dg1 2 2 8 0 0 4 1 0 1 64
1 "1:DISPLAY:sp:1,wp:1,sp1(ni):1,wp1(ni):1,sp2(ni2):1,wp2(ni2):1;1:FID:sf:3,wf:3,vf:0;1:FLAGS:aig*,dcg*,pmode*(ni),dmg*,dmg1*(ni),dmg2*(ni2);2:REFERENCING:rfl:1,rfp:1,cr:1,delta:1,,rfl1(ni):1,rfp1(ni):1,cr1(ni):1,delta1(ni):1,,rfl2(ni2):1,rfp2(ni2):1,cr2(ni2):1,delta2(ni2):1;3:CHART:sc:0,wc:0,sc2(ni):0,wc2(ni):0,,hzmm:2,vs:1,vp:1,th:1,ho:2,vo:2,axis,,pltmod,rplot;4(ni):DIMENSIONS:trace,plane(ni2);4:INTEGRAL:intmod,is:2,ins:3,io:0,,lvl:3,tlt:3;4(ni2):3D OPTIONS:fiddc3d,specdc3d,ptspec3d,ntype3d;"
0 
dgPP 2 2 8 0 0 2 1 0 1 64
6 "1:PULSES:pw:1,pw2:1;"
"2:DELAYS:back_pres_delay:6,bubble_open_delay:6,d1:6,d2:6,d3:6,dcheck:6,dtau:6,dtauhh:6,dtauhh2:6,grdelay:6,gt0:6,gt1:6,gt10:6,gt2:6,gtH:6,linesh_rec_delay:6,vent_open_delay:6;"
"3:REALS:bw_aro:2,bw_aro_sel:2,bw_hydr:2,bw_hydr_sel:2,bw_purge:2,dpwr:2,dpwr2:2,gx0:2,gx1:2,gx10:2,gx2:2,gxH:2,gy0:2,gy1:2,gy10:2,gy2:2,gyH:2,gz0:2,gz1:2,gz10:2,gz2:2,gzH:2,tof_aro:2,tof_hydr:2,tof_purge:2,tpwr:2,tpwr2:2;"
"3:INTEGERS:nbubble,nloops,phase2,verbose;"
"4:STRINGS:gshape;"
"4:FLAGS:fCOSY,fPN,fpseudo3Dmode,fpurge_evol,fshaped,fshaped2,fstartpurge;"
0 
dgs 2 2 1023 0 0 4 1 6 1 64
5 "1:AXIAL SHIMS:z1:0,z2:0,z3:0,z4:0,z5:0,z6:0,z7:0;"
"2:NON AXIAL SHIMS:x1:0,y1:0,xz:0,yz:0,xy:0,x2y2:0,x3:0,y3:0,xz2:0,yz2:0,zxy:0,zx2y2:0,z3x:0,z3y:0,z2x2y2:0,z2xy:0;"
"3:NON AXIAL SHIMS:zx3:0,zy3:0,x4:0,y4:0,z4x:0,z4y:0,z3x2y2:0,z3xy:0,z2x3:0,z2y3:0,z3x3:0,z3y3:0,z4x2y2:0,z4xy:0,z5x:0,z5y:0;"
"4:AUTOMATION:method,wshim,load,,spin:0,gain:0,alock,loc:0;"
"4:SPECIAL:temp;"
0 
dglp 2 2 8 0 0 4 1 7 1 64
1 "1(lpfilt):LP:lpalg,lpopt,lpfilt:0,lpnupts:0,strtlp:0,lpext:0,strtext:0;2(lpfilt1):LP 1:lpalg1,lpopt1,lpfilt1:0,lpnupts1:0,strtlp1:0,lpext1:0,strtext1:0;3(lpfilt2):LP 2:lpalg2,lpopt2,lpfilt2:0,lpnupts2:0,strtlp2:0,lpext2:0,strtext2:0;4:LP OUTPUT:lpprint(lpfilt):0,lptrace(lpfilt):0,lpprint1(lpfilt1):0,lptrace1(lpfilt1):0,lpprint2(lpfilt2):0,lptrace2(lpfilt2):0;"
0 
dgaq1 2 2 8 0 0 2 1 0 1 64
5 "1:OBSERVE:sfrq:8,tn,tof:1,tpwr:0,,;"
"1:LOCK:lockpower,lockgain,lockphase;"
"2:DECOUPLER 1:dfrq:8,dn,dof:1,dm,dmm,dmf:0,dseq,dres:1,homo,dpwr:0;"
"3:DECOUPLER 2:dfrq2:8,dn2,dof2:1,dm2,dmm2,dmf2:0,dseq2,dres2:1,homo2,dpwr2:0;"
"4:DECOUPLER 3:dfrq3:8,dn3,dof3:1,dm3,dmm3,dmf3:0,dseq3,dres3:1,homo3,dpwr3:0;"
0 
dgp 2 2 8 0 0 2 1 0 1 64
4 "1:GENERAL:dp,math,pmode,trace;"
"2:ACQUISITION:dcg,ssorder,ssfilter,,fpmult,lb,sb,sbs,gf,gfs,fn,rp,lp;"
"3:INDIRECT 1:fpmult1,lb1,sb1,sbs1,gf1,gfs1,fn1,rp1,lp1;"
"4:INDIRECT 2:fpmult2,lb2,sb2,sbs2,gf2,gfs2,fn2,rp2,lp2;"
0 
dgsys 2 2 8 0 0 2 1 0 1 64
3 "1:GENERAL:rev,revdate,,printer,plotter,shimset;"
"2:DIRS:curexp,systemdir,userdir,shimspath,menulibpath,maclibpath,helppath;"
"3:Ntools:NTdir,NTppsource,NTppdate;"
0 
dmf4 7 1 2000000 1 0 2 1 2 1 64
1 200 
0 
dm4 4 2 4 0 0 2 1 0 1 64
1 "n"
4 "a" "n" "s" "y" 
dlp 7 1 10 10 10 2 1 8194 0 64
1 10 
0 
disCmd 2 2 8 0 0 4 1 0 1 64
1 ""
0 
displaymode 4 2 9.99999984307e+17 -9.99999984307e+17 0 4 1 0 1 64
1 "r"
6 "r" "i" "a" "e" "z" "s" 
dm2 4 2 4 0 0 2 1 0 1 64
1 "n"
4 "a" "n" "s" "y" 
dm 4 2 4 0 0 2 1 0 1 64
1 "n"
4 "a" "n" "s" "y" 
dm3 4 2 4 0 0 2 1 0 1 64
1 "n"
4 "a" "n" "s" "y" 
dmf2 7 1 2000000 1 0 2 1 2 1 64
1 200 
0 
dmf 7 1 11 11 11 2 1 8194 1 64
1 200 
0 
dmf3 7 1 2000000 1 0 2 1 2 1 64
1 200 
0 
dmm3 4 2 4 0 0 2 1 0 1 64
1 "c"
9 "c" "f" "g" "m" "p" "r" "u" "w" "x" 
dmm 4 2 4 0 0 2 1 0 1 64
1 "c"
9 "c" "f" "g" "m" "p" "r" "u" "w" "x" 
dmg1 2 2 8 0 0 4 1 0 1 64
1 "ph1"
4 "" "av1" "ph1" "pwr1" 
dmg 2 2 2 0 0 4 1 3 1 64
1 "ph"
0 
dmm2 4 2 4 0 0 2 1 0 1 64
1 "c"
9 "c" "f" "g" "m" "p" "r" "u" "w" "x" 
dn2ref 2 2 8 0 0 4 1 1 1 64
1 ""
0 
dn 2 2 4 0 0 2 1 8 1 64
1 ""
0 
dmm4 4 2 4 0 0 2 1 0 1 64
1 "c"
8 "c" "f" "g" "m" "r" "u" "w" "x" 
dn2 2 2 8 0 0 2 1 8 1 64
1 ""
0 
dn3 2 2 8 0 0 2 1 8 1 64
1 ""
0 
dn2shapes 2 2 8 0 0 2 1 256 1 64
3 ""
""
""
0 
dn3ref 2 2 8 0 0 4 1 1 1 64
1 ""
0 
dres 7 1 360 1 0 2 1 0 1 64
1 1 
0 
dof3 5 1 20 20 20 2 1 8202 1 64
1 0 
0 
dnshapes 2 2 8 0 0 2 1 256 1 64
3 ""
""
""
0 
dn4ref 2 2 8 0 0 4 1 1 1 64
1 ""
0 
dn4 2 2 8 0 0 2 1 8 1 64
1 ""
0 
dnref 2 2 8 0 0 4 1 1 1 64
1 ""
0 
dof 5 1 8 8 8 2 1 8202 1 64
1 -13300 
0 
dod 3 1 14 14 14 2 1 8194 1 64
1 0.00999999977648 
0 
dof2 5 1 16 16 16 2 1 8202 1 64
1 0 
0 
dpwr 7 1 9 9 9 2 1 8194 1 64
1 30 
0 
dotflag 2 2 8 0 0 4 1 0 1 64
1 "n"
2 "n" "y" 
dof4 5 1 22 22 22 2 1 8202 1 64
1 0 
0 
dp 2 2 1 0 0 2 1 0 1 64
1 "y"
2 "y" "n" 
dpwr3 7 1 21 21 21 2 1 8194 1 64
1 1 
0 
dpwr2 7 1 18 18 18 2 1 8194 1 64
1 1 
0 
dpwr4 7 1 23 23 23 2 1 8194 1 64
1 1 
0 
dseq4 2 2 8 0 0 2 1 0 1 64
1 ""
0 
dres4 7 1 360 1 0 2 1 0 1 64
1 1 
0 
dres3 7 1 360 1 0 2 1 0 1 64
1 1 
0 
dres2 7 1 360 1 0 2 1 0 1 64
1 1 
0 
dseq2 2 2 8 0 0 2 1 0 1 64
1 ""
0 
dseq 2 2 8 0 0 2 1 0 1 64
1 ""
0 
dseq3 2 2 8 0 0 2 1 0 1 64
1 ""
0 
dtauhh 3 1 14 14 14 2 1 8192 1 64
1 0.182926825 
0 
dtau 3 1 14 14 14 2 1 8192 1 64
1 0.0015 
0 
dsp_ 2 2 8 0 0 2 1 9 1 64
1 "n"
3 "i" "r" "n" 
dtau_hydr 3 1 14 14 14 2 1 8192 1 64
1 0.0609756125 
0 
eburp_acq_pw 6 1 400000 0 1e-07 2 1 0 1 64
1 5630 
0 
dtauhh2 3 1 14 14 14 2 1 8192 1 64
1 0.08 
0 
eburp_evol_pw 6 1 400000 0 1e-07 2 1 0 1 64
1 5630 
0 
phcorr 1 1 9.99999984307e+17 -9.99999984307e+17 0 2 1 0 1 64
1 0 
0 
lifrq 1 1 1000000000 -1000000000 0 4 1 0 0 64
9 1760.68376068 1685.59218559 1684.98168498 1609.27960928 1585.47008547 1485.95848596 1452.99145299 1351.64835165 0 
0 
gx4 1 1 100 -100 0.001 2 1 0 1 64
1 0 
0 
fshaped2 4 2 4 0 0 2 1 0 1 64
1 "y"
0 
fn 7 1 524288 64 -2 3 1 1 1 64
1 16384 
0 
fCOSY 4 2 4 0 0 2 1 0 1 64
1 "n"
0 
f1SW 2 2 8 0 0 2 1 1 1 64
1 ""
0 
emessage 4 2 4 0 0 2 1 0 1 64
1 "n"
0 
eburp_pw2 6 1 400000 0 1e-07 2 1 0 1 64
1 2250 
0 
eburp_pw 6 1 400000 0 1e-07 2 1 0 1 64
1 1123.8 
0 
emailaddr 2 2 8 0 0 4 1 0 1 64
1 ""
0 
exppath 2 2 8 0 0 2 1 0 1 64
1 "/home/bifchem/vnmrsys/exp8/acqfil"
0 
explist 2 2 8 0 0 2 1 256 1 64
1 ""
0 
exptime 1 1 9.99999984307e+17 -9.99999984307e+17 0 2 1 0 1 64
1 0 
0 
f2SW 2 2 8 0 0 2 1 1 1 64
1 ""
0 
f2D 4 2 4 0 0 2 1 0 1 64
1 "y"
0 
f1coef 2 2 8 0 0 3 1 1 1 64
1 ""
0 
fBSshiftcomp 4 2 4 0 0 2 1 0 1 64
1 "n"
0 
f2coef 2 2 8 0 0 3 1 1 1 64
1 ""
0 
fgetJ 4 2 4 0 0 2 1 0 1 64
1 "n"
0 
fbubble 4 2 4 0 0 2 1 0 1 64
1 "y"
0 
fb 7 1 55000 1000 200 2 1 11 1 64
1 2200 
0 
fPN 4 2 4 0 0 2 1 0 1 64
1 "n"
0 
fexch 4 2 4 0 0 2 1 0 1 64
1 "n"
0 
fidid 2 2 8 0 0 2 1 0 1 64
1 ""
0 
fgrad 4 2 4 0 0 2 1 0 1 64
1 "y"
0 
fiddc3d 4 2 4 0 0 3 1 0 1 64
1 "nnn"
0 
filter 7 1 1000000000 0 1 2 1 2 1 64
1 54.0999984741 
0 
file 2 2 6 0 0 2 1 3 1 64
1 "exp"
0 
filtfile 2 2 8 0 0 2 1 0 1 64
1 ""
0 
fpmult2 1 1 1000000000 0 0 3 1 0 0 64
1 0 
0 
fnloopsat 4 2 4 0 0 2 1 0 1 64
1 "n"
0 
fn2 7 1 524288 64 -2 3 1 1 0 64
1 0 
0 
fn1 7 1 524288 64 -2 3 1 1 1 64
1 256 
0 
fpmult 1 1 10 -10 0 3 1 0 1 64
1 3.15535333048 
0 
fphasesens 4 2 4 0 0 2 1 0 1 64
1 "y"
0 
fpmult1 1 1 1000000000 0 0 3 2 0 1 64
1 0.5 
0 
fref 4 2 4 0 0 2 1 0 1 64
1 "y"
0 
fpurge 4 2 4 0 0 2 1 0 1 64
1 "n"
0 
fpseudo3Dmode 4 2 4 0 0 2 1 0 1 64
1 "n"
0 
fpurge_evol 4 2 4 0 0 2 1 0 1 64
1 "n"
0 
fshaped 4 2 4 0 0 2 1 0 1 64
1 "y"
0 
fshape 4 2 4 0 0 2 1 0 1 64
1 "n"
0 
gmapct 7 1 32767 0 0 4 1 0 1 64
1 1 
0 
gfs2 1 1 1000 -1000 0.001 3 1 1 0 64
1 0 
0 
gain 1 1 60 0 2 2 1 0 1 64
1 48 
0 
ftproc 1 1 9.99999984307e+17 -9.99999984307e+17 0 3 1 256 1 64
2 1 0 
0 
ft1dec 4 2 4 0 0 2 1 0 1 64
1 "y"
0 
fstartpurge 4 2 4 0 0 2 1 0 1 64
1 "y"
0 
fzoom 7 1 32767 0 0 4 1 0 1 64
1 0 
0 
gf2 1 1 100000 0 0 3 1 1 0 64
1 0 
0 
gf 1 1 100000 0 0 3 1 1 0 64
1 0.10000000149 
0 
gf1 1 1 100000 0 0 3 1 1 0 64
1 1 
0 
gfs 1 1 1000 -1000 0.001 3 1 1 0 64
1 0 
0 
gfs1 1 1 1000 -1000 0.001 3 1 1 0 64
1 0 
0 
gmap_tmppar 2 2 8 0 0 3 1 256 1 64
2 "n"
"n"
0 
gmap_again 7 1 32767 0 0 4 1 0 1 64
1 0 
0 
gmap_findtof 2 2 8 0 0 2 1 0 1 64
1 "n"
0 
gmap_z1z4 2 2 8 0 0 2 1 0 1 64
1 "n"
0 
gt3 3 1 14 14 14 2 1 8192 1 64
1 0.0005 
0 
gt0 3 1 14 14 14 2 1 8192 1 64
1 0.001 
0 
grdelay 3 1 14 14 14 2 1 8192 1 64
1 0.0001 
0 
gmapspin 2 2 8 0 0 2 1 0 1 64
1 "n"
2 "n" "y" 
gmapsys_makebutton 2 2 8 0 0 2 1 0 1 64
1 "n"
0 
gshape 2 2 8 0 0 2 1 0 1 64
1 "hsine"
0 
gstab 3 1 14 14 14 2 1 8192 1 64
1 0.00025 
0 
gt10 3 1 14 14 14 2 1 8192 1 64
1 0.001 
0 
gt1 3 1 14 14 14 2 1 8192 1 64
1 0.001 
0 
gt2 3 1 14 14 14 2 1 8192 1 64
1 0.0005 
0 
gtH 3 1 14 14 14 2 1 8192 1 64
1 0.0005 
0 
gt6 3 1 14 14 14 2 1 8192 1 64
1 0.001 
0 
gt5 3 1 14 14 14 2 1 8192 1 64
1 0.0005 
0 
gt4 3 1 14 14 14 2 1 8192 1 64
1 0.0005 
0 
gt7 3 1 14 14 14 2 1 8192 1 64
1 0.001 
0 
gx10 1 1 100 -100 0.001 2 1 0 1 64
1 0 
0 
gx0 1 1 100 -100 0.001 2 1 0 1 64
1 0 
0 
gx1 1 1 100 -100 0.001 2 1 0 1 64
1 0 
0 
gx2 1 1 100 -100 0.001 2 1 0 1 64
1 0 
0 
gx3 1 1 100 -100 0.001 2 1 0 1 64
1 0 
0 
gzsize 7 1 32767 0 0 3 1 0 1 64
1 4 
0 
gy6 1 1 100 -100 0.001 2 1 0 1 64
1 0 
0 
gy1 1 1 100 -100 0.001 2 1 0 1 64
1 0 
0 
gx7 1 1 100 -100 0.001 2 1 0 1 64
1 0 
0 
gx6 1 1 100 -100 0.001 2 1 0 1 64
1 0 
0 
gx5 1 1 100 -100 0.001 2 1 0 1 64
1 0 
0 
gxppars 2 2 8 0 0 2 1 0 1 64
1 ""
0 
gxH 1 1 100 -100 0.001 2 1 0 1 64
1 0 
0 
gy0 1 1 100 -100 0.001 2 1 0 1 64
1 0 
0 
gy3 1 1 100 -100 0.001 2 1 0 1 64
1 0 
0 
gy10 1 1 100 -100 0.001 2 1 0 1 64
1 0 
0 
gy2 1 1 100 -100 0.001 2 1 0 1 64
1 0 
0 
gy5 1 1 100 -100 0.001 2 1 0 1 64
1 0 
0 
gy4 1 1 100 -100 0.001 2 1 0 1 64
1 0 
0 
gz4 1 1 100 -100 0.001 2 1 0 1 64
1 8.2 
0 
gz1 1 1 100 -100 0.001 2 1 0 1 64
1 7.3 
0 
gyH 1 1 100 -100 0.001 2 1 0 1 64
1 0 
0 
gy7 1 1 100 -100 0.001 2 1 0 1 64
1 0 
0 
gz0 1 1 100 -100 0.001 2 1 0 1 64
1 1.4 
0 
gz2 1 1 100 -100 0.001 2 1 0 1 64
1 5.8 
0 
gz10 1 1 100 -100 0.001 2 1 0 1 64
1 19 
0 
gz3 1 1 100 -100 0.001 2 1 0 1 64
1 7 
0 
gzH 1 1 100 -100 0.001 2 1 0 1 64
1 0 
0 
gz6 1 1 100 -100 0.001 2 1 0 1 64
1 3.9 
0 
gz5 1 1 100 -100 0.001 2 1 0 1 64
1 8.2 
0 
gz7 1 1 100 -100 0.001 2 1 0 1 64
1 7.7 
0 
gzlvl 1 1 65536 -65536 0 2 1 0 1 64
1 4000 
0 
in 4 2 1 0 0 2 1 0 1 64
1 "n"
3 "n" "w" "y" 
homo3 4 2 4 0 0 2 1 0 1 64
1 "n"
2 "n" "y" 
hdpwr 7 1 49 -16 1 2 1 2 1 64
1 1 
0 
gzwin 1 1 9.99999984307e+17 -9.99999984307e+17 0 3 1 0 1 64
1 30 
0 
hdof 5 1 7 7 7 2 1 8194 1 64
1 0 
0 
homo 2 2 8 0 0 2 1 0 1 64
1 "n"
2 "n" "y" 
ho 1 1 500 -500 0 4 1 1 1 64
1 -63.75 
0 
homo2 4 2 4 0 0 2 1 0 1 64
1 "n"
2 "n" "y" 
hzmm 1 1 1000000000 -1000000000 0 4 1 11 1 64
1 2.72352430556 
0 
hs 4 2 4 0 0 2 1 0 1 64
1 "nn"
2 "n" "y" 
homo4 4 2 4 0 0 2 1 0 1 64
1 "n"
2 "n" "y" 
hst 3 1 0.02 0 2.5e-08 2 1 2 1 64
1 0.00800000037998 
0 
ident 2 2 8 0 0 3 1 0 1 64
1 ""
0 
iburp_acq_pw_OFF 6 1 400000 0 1e-07 2 1 0 1 64
1 1164.5 
0 
il 2 2 1 0 0 2 1 0 1 64
1 "n"
2 "y" "n" 
io 1 1 500 -500 0.1 4 1 1 1 64
1 10.2 
0 
insref 1 1 9.99999984307e+17 -9.99999984307e+17 0 4 1 0 0 64
1 1 
0 
ins2 1 1 9.99999984307e+17 -9.99999984307e+17 0 4 1 0 1 64
1 1 
0 
ins 3 1 8190 0 1e-07 4 1 3 1 64
1 100 
0 
ins2ref 1 1 9.99999984307e+17 -9.99999984307e+17 0 4 1 0 1 64
1 1 
0 
investigator 2 2 8 0 0 4 1 0 1 64
1 ""
0 
intmod 2 2 8 0 0 4 1 0 1 64
1 "off"
3 "off" "partial" "full" 
investigator_ 2 2 8 0 0 2 1 0 1 64
1 ""
0 
lb2 1 1 100000 -100000 0 3 1 1 0 64
1 0 
0 
lb 1 1 100000 -100000 0 3 1 1 0 64
1 1.5 
0 
is 1 1 1000000000 1e-06 0 4 1 3 1 64
1 33.5734901428 
0 
lb1 1 1 100000 -100000 0 3 1 1 0 64
1 0.318309992552 
0 
liamp 1 1 1000000000 0 0 4 1 0 0 64
1 0 
0 
lcpeak_ 7 1 32767 0 0 2 1 32768 1 64
1 0 
0 
nloops 7 1 32767 0 0 2 1 0 1 64
1 0 
0 
lpopt 2 2 8 0 0 3 1 0 1 64
1 "b"
0 
lot 2 2 8 0 0 2 1 0 1 64
1 ""
0 
loc_ 7 1 12 12 12 2 1 8201 1 64
1 0 
0 
llfrq 1 1 1000000000 -1000000000 0 4 1 0 0 64
10 1292.11425781 1184.08203125 1178.58886719 1161.49902344 1109.00878906 1077.27050781 937.5 907.592773438 816.650390625 681.762695312 
0 
llamp 1 1 1000000000 0 0 4 1 0 0 64
10 0.000165949662914 0.000248058582656 0.000231479847571 0.000154308654601 0.000216805594391 0.000183059630217 0.000173332737177 0.000165177349118 0.000166817597346 0.00017721268523 
0 
linesh_rec_delay 3 1 14 14 14 2 1 8192 1 64
1 0.5 
0 
load 2 2 4 0 0 2 1 3 1 64
1 "n"
2 "y" "n" 
lockgain_ 1 1 48 0 1 2 1 65552 1 64
1 45 
0 
locdir 2 2 8 0 0 2 1 0 1 64
1 ""
0 
lockfreq_ 5 1 160 0 1e-07 2 1 9 1 64
1 76.7250532 
0 
lockpower_ 1 1 68 0 1 2 1 65552 1 64
1 10 
0 
lockphase_ 1 1 360 0 1 2 1 65552 1 64
1 190 
0 
longlist 2 2 8 0 0 2 1 0 1 64
1 ""
0 
lpext1 7 1 1000000 0 1 3 1 0 1 64
1 1 
0 
lpalg 2 2 8 0 0 3 1 0 1 64
1 "lpfft"
0 
lp1 1 1 3600 -3600 0.1 4 1 3 1 64
1 0 
0 
lp 1 1 3600 -3600 0.1 4 1 3 1 64
1 49.8793678284 
0 
lp2 1 1 3600 -3600 0.1 4 1 3 1 64
1 0 
0 
lpalg2 2 2 8 0 0 3 1 0 1 64
1 "lpfft"
0 
lpalg1 2 2 8 0 0 3 1 0 1 64
1 "lpfft"
0 
lpext 7 1 1000000 0 1 3 1 0 1 64
1 1 
0 
lpfilt2 7 1 32767 1 1 3 1 0 1 64
1 32 
0 
lpfilt 7 1 32767 1 1 3 1 0 1 64
1 32 
0 
lpext2 7 1 1000000 0 1 3 1 0 1 64
1 1 
0 
lpfilt1 7 1 32767 1 1 3 1 0 1 64
1 32 
0 
lpnupts1 7 1 1000000 1 1 3 1 0 1 64
1 64 
0 
lpnupts 7 1 1000000 1 1 3 1 0 1 64
1 64 
0 
lpnupts2 7 1 1000000 1 1 3 1 0 1 64
1 64 
0 
macro 2 2 6 0 0 4 1 3 1 64
1 ""
0 
lptrace1 7 1 32767 0 1 3 1 0 1 64
1 0 
0 
lpprint 7 1 63 0 1 3 1 0 1 64
1 0 
0 
lpopt2 2 2 8 0 0 3 1 0 1 64
1 "b"
0 
lpopt1 2 2 8 0 0 3 1 0 1 64
1 "b"
0 
lpprint2 7 1 63 0 1 3 1 0 1 64
1 0 
0 
lpprint1 7 1 63 0 1 3 1 0 1 64
1 0 
0 
lptrace 7 1 32767 0 1 3 1 0 1 64
1 0 
0 
lsfrq 1 1 9.99999984307e+17 -9.99999984307e+17 0 3 1 0 0 64
1 0 
0 
lsfid 7 1 64000 -64000 1 3 1 0 0 64
1 0 
0 
lptrace2 7 1 32767 0 1 3 1 0 1 64
1 0 
0 
lsfid2 7 1 64000 -64000 1 3 1 0 0 64
1 0 
0 
lsfrq2 1 1 9.99999984307e+17 -9.99999984307e+17 0 3 1 0 0 64
1 0 
0 
lsfrq1 1 1 9.99999984307e+17 -9.99999984307e+17 0 3 1 0 0 64
1 0 
0 
lvl 1 1 1000000000 -1000000000 0 4 1 1 1 64
1 5.97568525013e-08 
0 
n2 2 2 6 0 0 4 1 3 1 64
1 "22"
0 
myref_pw90 6 1 13 13 13 2 1 8192 1 64
1 636 
0 
method 2 2 6 0 0 2 1 3 1 64
1 "/vnmr/shimmethods/z1z2"
0 
math 2 2 1 0 0 3 1 3 1 64
1 "f"
3 "d" "f" "i" 
modules 2 2 8 0 0 2 1 1 1 64
1 ""
0 
mystep 1 1 9.99999984307e+17 -9.99999984307e+17 0 2 1 0 1 64
1 1 
0 
myref_pwr 1 1 9.99999984307e+17 -9.99999984307e+17 0 2 1 0 1 64
1 36 
0 
n1 2 2 6 0 0 4 1 3 1 64
1 "Apr"
0 
nbubble 7 1 32767 0 0 2 1 0 1 64
1 1 
0 
name 2 2 8 0 0 3 1 0 1 64
1 ""
0 
n3 2 2 6 0 0 4 1 3 1 64
1 "2015"
0 
nameprefix 2 2 8 0 0 2 1 8 1 64
1 ""
0 
ni 7 1 32767 0 0 2 1 0 1 64
1 32 
0 
newmodules 2 2 8 0 0 2 1 1 1 64
1 ""
0 
ni2 7 1 32767 0 1 2 1 0 1 64
1 0 
0 
pad 3 1 14 14 14 2 1 8194 1 64
1 0.5 
0 
obsSW 2 2 8 0 0 2 1 1 1 64
1 ""
0 
np 7 1 524288 32 2 2 1 11 1 64
1 4000 
0 
notebook 2 2 8 0 0 2 1 0 1 64
1 ""
0 
nloopsat 7 1 32767 0 0 2 1 0 1 64
1 2 
0 
notebook_ 2 2 8 0 0 2 1 0 1 64
1 ""
0 
ntype3d 4 2 4 0 0 3 1 0 1 64
1 "nn"
0 
nt 7 1 1000000000 1 1 2 1 2 1 64
1 8 
0 
osfilt 2 2 8 0 0 2 1 0 1 64
1 "a"
5 "a" "A" "b" "B" "" 
oscoef 7 1 49999 3 2 2 1 1 0 64
1 45 
0 
operator_ 2 2 128 0 0 2 1 4 1 64
1 "bifchem"
0 
osfb 1 1 100000 0 0 2 1 1 0 64
1 0 
0 
oversamp 7 1 68 0 1 2 1 9 1 64
1 1 
0 
oslsfrq 1 1 9.99999984307e+17 -9.99999984307e+17 0 2 1 1 0 64
1 0 
0 
p1 6 1 13 13 13 2 1 8194 1 64
1 500 
0 
pc9_45_acq_pw 6 1 400000 0 1e-07 2 1 0 1 64
1 855.7 
0 
parlabel 2 2 8 0 0 2 1 1 1 64
1 ""
0 
page_ 2 2 8 0 0 2 1 0 1 64
1 ""
0 
page 2 2 8 0 0 2 1 0 1 64
1 ""
0 
paramChanged 1 1 9.99999984307e+17 -9.99999984307e+17 0 2 1 0 1 64
1 0 
0 
parversion 1 1 9.99999984307e+17 -9.99999984307e+17 0 2 1 4 1 64
1 5.1 
0 
parstyle_ 2 2 8 0 0 4 1 0 1 64
1 "pap"
0 
path3d 2 2 8 0 0 4 1 0 1 64
1 "/home/bifchem/vnmrsys/exp12/datadir3d"
0 
ph_sh_evol 1 1 9.99999984307e+17 -9.99999984307e+17 0 2 1 0 1 64
1 0 
0 
ph_sh_INEPT 1 1 9.99999984307e+17 -9.99999984307e+17 0 2 1 0 1 64
1 0 
0 
ph_sh 1 1 9.99999984307e+17 -9.99999984307e+17 0 2 1 0 1 64
1 0 
0 
ph_sh_arom 1 1 9.99999984307e+17 -9.99999984307e+17 0 2 1 0 1 64
1 95 
0 
phase 7 1 20 0 1 2 1 0 1 64
2 1 2 
0 
ph_sh_hydr 1 1 9.99999984307e+17 -9.99999984307e+17 0 2 1 0 1 64
1 5 
0 
phase2 7 1 20 0 1 2 1 0 1 64
1 1 
0 
studystatus 2 2 8 0 0 2 1 0 1 64
1 ""
0 
rp 1 1 3600 -3600 0.1 4 1 3 1 64
1 -20.1199959349 
0 
pwx2 6 1 13 13 13 2 1 8192 1 64
1 15 
0 
probe_ 2 2 8 0 0 2 1 8 1 64
1 "HCN"
0 
pmode 2 2 8 0 0 3 1 0 1 64
1 "full"
0 
plocklist 2 2 8 0 0 2 1 1 1 64
1 ""
0 
phfid2 1 1 3600 -3600 0.1 3 1 0 0 64
1 0 
0 
phfid1 1 1 3600 -3600 0.1 3 1 0 0 64
1 0 
0 
phfid 1 1 3600 -3600 0.1 3 1 0 0 64
1 0 
0 
plane 2 2 8 0 0 4 1 0 1 64
1 "f1f3"
6 "f1f3" "f3f1" "f2f3" "f3f2" "f1f2" "f2f1" 
pkpick_ 2 2 8 0 0 4 1 0 1 64
1 ""
0 
pltmod 2 2 8 0 0 4 1 0 1 64
1 "fixed"
5 "off" "fixed" "full" "variable" "user" 
plt2Darg 2 2 8 0 0 4 1 272 1 64
8 "pos"
"7"
"1.5"
"top"
"side"
""
""
""
0 
plotfile 2 2 8 0 0 2 1 0 1 64
1 ""
0 
pltopt 4 2 4 0 0 2 1 0 1 64
1 "y"
0 
prcopt 4 2 4 0 0 2 1 0 1 64
1 "y"
0 
pp 6 1 13 13 13 2 1 8192 1 64
1 15 
0 
position1 2 2 8 0 0 3 1 0 1 64
1 ""
0 
position2 2 2 8 0 0 3 1 0 1 64
1 ""
0 
pplvl_cf 1 1 9.99999984307e+17 -9.99999984307e+17 0 2 1 0 1 64
1 1 
0 
pplvl 1 1 63 -16 1 2 1 0 1 64
1 55 
0 
prescribed 2 2 8 0 0 2 1 0 1 64
1 "n"
0 
prescan 2 2 8 0 0 3 1 0 1 64
11 "Not done"
"Not done"
"off"
"off"
"off"
"off"
"off"
"on"
"on"
""
""
0 
preacq 6 1 13 13 13 2 1 8192 0 64
1 0 
0 
priority 7 1 32768 0 1 2 1 0 1 64
1 5 
0 
protocols 2 2 8 0 0 3 1 0 1 64
1 ""
0 
proc2 2 2 8 0 0 3 1 1 1 64
1 "ft"
0 
proc 2 2 10 0 0 3 1 1 1 64
1 "ft"
0 
probetype_ 2 2 8 0 0 2 1 1 1 64
1 "liquids"
0 
proc1 2 2 10 0 0 3 2 1 1 64
1 "ft"
0 
processid 1 1 9.99999984307e+17 -9.99999984307e+17 0 2 1 0 1 64
1 0 
0 
procdim 7 1 32767 0 0 3 1 0 1 64
1 1 
0 
project 2 2 8 0 0 2 1 0 1 64
1 ""
0 
pw2 6 1 13 13 13 2 1 8192 1 64
1 159.5 
0 
ptspec3d 4 2 4 0 0 3 1 0 1 64
1 "nnn"
0 
pslabel 2 2 8 0 0 2 1 11 1 64
1 "vmb_2D_hydr2ar_dev_mt"
0 
pw 6 1 13 13 13 2 1 8194 1 64
1 50.25 
0 
pw90 6 1 13 13 13 2 1 8194 1 64
1 11.0999984741 
0 
pw5 6 1 13 13 13 2 1 8192 1 64
1 1 
0 
pwx 6 1 13 13 13 2 1 8192 1 64
1 15 
0 
reburp_pw2 6 1 400000 0 1e-07 2 1 0 1 64
1 2440 
0 
rebINEPT_pw 6 1 400000 0 1e-07 2 1 0 1 64
1 6095.3 
0 
r2 1 1 1e+18 -1e+18 0 4 1 1 1 64
1 0 
0 
pwxlvl_cf 1 1 9.99999984307e+17 -9.99999984307e+17 0 2 1 0 1 64
1 1 
0 
pwx2lvl_cf 1 1 9.99999984307e+17 -9.99999984307e+17 0 2 1 0 1 64
1 1 
0 
pwx2lvl 1 1 63 -16 1 2 1 0 1 64
1 55 
0 
pwxlvl 1 1 63 -16 1 2 1 0 1 64
1 55 
0 
r1 1 1 1e+18 -1e+18 0 4 1 1 1 64
1 0 
0 
r5 1 1 1e+18 -1e+18 0 4 1 1 1 64
1 0 
0 
r3 1 1 1e+18 -1e+18 0 4 1 1 1 64
1 0 
0 
r4 1 1 1e+18 -1e+18 0 4 1 1 1 64
1 0 
0 
r6 1 1 1e+18 -1e+18 0 4 1 1 1 64
1 0 
0 
r7 1 1 1e+18 -1e+18 0 4 1 1 1 64
1 0 
0 
reburp_hydr_pw 6 1 400000 0 1e-07 2 1 0 1 64
1 1220 
0 
rebreb_pw 6 1 400000 0 1e-07 2 1 0 1 64
1 1625.4 
0 
rebeb_pw 6 1 400000 0 1e-07 2 1 0 1 64
1 1625.4 
0 
reburp_evol_pw 6 1 400000 0 1e-07 2 1 0 1 64
1 6090 
0 
reburp_pw 6 1 400000 0 1e-07 2 1 0 1 64
1 1220 
0 
refsource1 2 2 8 0 0 4 1 0 1 64
1 "sfrq"
0 
reffrq2 1 1 9.99999984307e+17 -9.99999984307e+17 0 4 1 0 1 64
1 499.817948 
0 
ref_pw90 6 1 13 13 13 3 1 8192 1 64
1 156 
0 
ref 5 1 1000000000 -1000000000 0 3 4 0 1 64
1 0 
0 
ref1 5 1 1000000000 -1000000000 0 3 1 0 1 64
1 0 
0 
reffrq 1 1 9.99999984307e+17 -9.99999984307e+17 0 4 1 0 1 64
1 499.801120346 
0 
ref_pwr 7 1 32767 0 0 3 1 0 1 64
1 36 
0 
reffrq1 1 1 9.99999984307e+17 -9.99999984307e+17 0 4 1 0 1 64
1 499.812625169 
0 
refpos1 1 1 9.99999984307e+17 -9.99999984307e+17 0 4 1 0 1 64
1 0 
0 
refpos 1 1 9.99999984307e+17 -9.99999984307e+17 0 4 1 0 1 64
1 0 
0 
refpos2 1 1 9.99999984307e+17 -9.99999984307e+17 0 4 1 0 0 64
1 0 
0 
rfl2 1 1 9.99999984307e+17 -9.99999984307e+17 0 4 1 0 1 64
1 0 
0 
rfl 1 1 1000000000 -1000000000 0 4 1 1 1 64
1 2174.54532616 
0 
rfband 4 2 4 0 0 2 1 0 1 64
1 "cccc"
3 "c" "h" "l" 
refsource2 2 2 8 0 0 4 1 0 1 64
1 "sfrq"
0 
rfl1 1 1 1000000000 -1000000000 0 4 1 1 1 64
1 560.908494258 
0 
rfp2 1 1 9.99999984307e+17 -9.99999984307e+17 0 4 1 0 1 64
1 0 
0 
rfp 1 1 1000000000 -1000000000 0 4 1 1 1 64
1 4273.29957898 
0 
rfp1 1 1 1000000000 -1000000000 0 4 1 1 1 64
1 -11315.7578338 
0 
rof2 6 1 13 13 13 2 1 8194 1 64
1 9.99999904633 
0 
rof1 6 1 13 13 13 2 1 8194 1 64
1 10 
0 
sfrq 1 1 1000000000 0 0 2 1 11 1 64
1 499.8046591 
0 
sb 1 1 1000 -1000 1e-06 3 1 0 1 64
1 -0.5 
0 
satfrq 5 1 1000000000 -1000000000 0 2 1 0 1 64
1 204 
0 
samplename 2 2 8 0 0 2 1 8 1 64
1 ""
0 
rp2 1 1 3600 -3600 0.1 4 1 3 1 64
1 0 
0 
rp1 1 1 3600 -3600 0.1 4 1 3 1 64
1 -0.292334474671 
0 
sample 2 2 8 0 0 2 1 1 1 64
1 ""
0 
satdly 3 1 14 14 14 2 1 8192 1 64
1 0 
0 
samplename_global_ 2 2 8 0 0 2 1 0 1 64
1 ""
0 
satflg 4 2 4 0 0 2 1 0 1 64
1 "n"
0 
satpwr 1 1 20 -17 0.1 2 1 0 1 64
1 0 
0 
satfrq2 1 1 9.99999984307e+17 -9.99999984307e+17 0 2 1 0 1 64
1 -75.5080160563 
0 
satfrq1 1 1 9.99999984307e+17 -9.99999984307e+17 0 2 1 0 1 64
1 -75.5080160563 
0 
satmode 4 2 4 0 0 2 1 0 1 64
1 "n"
0 
saveshapes 2 2 8 0 0 2 1 256 1 64
1 ""
0 
saveglobal_ 2 2 8 0 0 3 1 0 1 64
25 "probe"
"lcpeak"
"loc"
"lockpower"
"lockgain"
"lockphase"
"lockfreq"
"z0"
"lkof"
"vloc"
"vrack"
"vzone"
"vproto"
"pkpick"
"parstyle"
"operator"
"studyid"
"systemname"
"dsp"
"probetype"
"investigator"
"notebook"
"page"
"study"
"samplename_global"
0 
sc2 1 1 3 3 3 4 1 8195 1 64
1 0 
0 
sbs1 1 1 1000 -1000 1e-06 3 1 1 1 64
1 -0.065625 
0 
sb2 1 1 1000 -1000 0.001 3 1 1 0 64
1 0 
0 
sb1 1 1 1000 -1000 1e-06 3 1 1 1 64
1 -0.065625 
0 
sbs 1 1 1000 -1000 1e-06 3 1 1 1 64
1 -0.5 
0 
sc 1 1 1 1 1 4 1 8195 1 64
1 10 
0 
sbs2 1 1 1000 -1000 0.001 3 1 1 0 64
1 0 
0 
seqfil 2 2 8 0 0 2 1 11 1 64
1 "vmb_2D_hydr2ar_dev_mt"
0 
sdirtmplt 2 2 8 0 0 2 1 0 1 64
1 ""
0 
scans 2 2 8 0 0 3 1 0 1 64
1 ""
0 
sf1 1 1 9.99999984307e+17 -9.99999984307e+17 0 4 1 0 1 64
1 0 
0 
sf 1 1 8190 0 1e-07 4 1 3 1 64
1 0 
0 
sf2 1 1 9.99999984307e+17 -9.99999984307e+17 0 4 1 0 1 64
1 0 
0 
spin 1 1 39 0 1 2 1 0 1 64
1 0 
0 
shownumy 1 1 9.99999984307e+17 -9.99999984307e+17 0 2 1 0 1 64
1 0 
0 
showcontent 2 2 8 0 0 2 1 0 1 64
1 "s"
0 
shims 2 2 8 0 0 2 1 0 1 64
1 ""
0 
shift 3 1 0.1 -0.1 1.25e-08 2 1 0 1 64
1 0.003 
0 
showarray 2 2 8 0 0 2 1 0 1 64
1 "horiz"
0 
shownumstyle 2 2 8 0 0 2 1 0 1 64
1 "auto"
0 
shownumbers 2 2 8 0 0 2 1 0 1 64
1 "n"
0 
shownumx 1 1 9.99999984307e+17 -9.99999984307e+17 0 2 1 0 1 64
1 0 
0 
sp 1 1 1000000000 -1000000000 0 4 1 3 1 64
1 3991.33237782 
0 
solvent 2 2 6 0 0 2 1 11 1 64
1 "cd3od"
0 
sn 1 1 1e+18 -1e+18 0 3 1 1 1 64
1 0 
0 
sp2 1 1 9.99999984307e+17 -9.99999984307e+17 0 4 1 0 1 64
1 0 
0 
sp1 1 1 1000000000 -1000000000 0 4 1 3 1 64
1 -11874.1663281 
0 
specdc3d 4 2 4 0 0 3 1 0 1 64
1 "nnn"
0 
strtlp1 7 1 1000000 1 1 3 1 0 1 64
1 2 
0 
strtext 7 1 1000000 1 1 3 1 0 1 64
1 1 
0 
ss 7 1 32767 -32768 0 2 1 0 1 64
1 8 
0 
srate 7 1 32767 0 1 2 1 0 1 64
1 25 
0 
sspul 4 2 4 0 0 2 1 0 1 64
1 "n"
0 
strtext2 7 1 1000000 1 1 3 1 0 1 64
1 1 
0 
strtext1 7 1 1000000 1 1 3 1 0 1 64
1 1 
0 
strtlp 7 1 1000000 1 1 3 1 0 1 64
1 2 
0 
study_ 2 2 8 0 0 2 1 0 1 64
1 ""
0 
strtpar 2 2 8 0 0 2 1 0 1 64
1 ""
0 
strtlp2 7 1 1000000 1 1 3 1 0 1 64
1 2 
0 
study 2 2 8 0 0 3 1 0 1 64
1 ""
0 
studyid_ 2 2 8 0 0 2 1 0 1 64
1 "tmpstudy"
0 
vtcomplvl 7 1 2 0 1 2 1 0 1 64
1 0 
0 
tof_purge 1 1 9.99999984307e+17 -9.99999984307e+17 0 2 1 0 1 64
1 0 
0 
time_run 2 2 8 0 0 2 1 0 1 64
1 "20150422T155043"
0 
text_string 2 2 8 0 0 4 1 256 1 64
1 ""
0 
sw1 1 1 5000000 1 -1.25e-08 2 1 0 1 64
1 320 
0 
svftmplt 2 2 8 0 0 2 1 0 1 64
1 ""
0 
svfopt 4 2 4 0 0 2 1 0 1 64
1 "y"
0 
sw 1 1 5 5 5 2 1 8203 1 64
1 4000 
0 
systemname_ 2 2 8 0 0 2 1 0 1 64
1 "linova500-inova500"
0 
sw2 1 1 5000000 1 -1.25e-08 2 1 0 1 64
1 1000 
0 
temp 1 1 200 -150 0.1 2 1 8 1 64
1 25 
0 
time_exp 2 2 8 0 0 2 1 0 1 64
1 ""
0 
th2d 1 1 1 1e-18 0 4 1 17 1 64
1 0.8 
0 
th 1 1 1000000000 0 0 4 1 1 1 64
1 4 
0 
time_complete 2 2 8 0 0 4 1 0 1 64
1 "20150422T161306"
0 
time_processed 2 2 8 0 0 3 1 0 1 64
1 "20150422T163335"
0 
time_plotted 2 2 8 0 0 3 1 0 1 64
1 ""
0 
tn 2 2 4 0 0 2 1 8 1 64
1 "H1"
0 
time_svfdate 2 2 8 0 0 2 1 0 1 64
1 "20150422T155043"
0 
time_submitted 2 2 8 0 0 2 1 0 1 64
1 "20150422T155043"
0 
time_saved 2 2 8 0 0 4 1 0 1 64
1 "20150422T163406"
0 
time_submitted_local 2 2 8 0 0 2 1 0 1 64
1 "20150422T155043X03PMWedApr"
0 
tlt 1 1 1000000000 -1000000000 0 4 1 1 1 64
1 0.332096668084 
0 
tin 2 2 1 0 0 2 1 2 1 64
1 "y"
3 "n" "w" "y" 
tmpgradtype 2 2 8 0 0 2 1 0 1 64
1 "nnq"
0 
tof_aro 1 1 9.99999984307e+17 -9.99999984307e+17 0 2 1 0 1 64
1 1600 
0 
tnshapes 2 2 8 0 0 2 1 256 1 64
3 ""
""
""
0 
tnref 2 2 8 0 0 4 1 1 1 64
1 ""
0 
tof 5 1 7 7 7 2 1 8202 1 64
1 -13860 
0 
tof_evol 1 1 9.99999984307e+17 -9.99999984307e+17 0 2 1 0 1 64
1 1100 
0 
tof_arom 1 1 9.99999984307e+17 -9.99999984307e+17 0 2 1 0 1 64
1 1850 
0 
tof_hydr 1 1 9.99999984307e+17 -9.99999984307e+17 0 2 1 0 1 64
1 -13860 
0 
verbose 7 1 1 0 1 2 1 0 1 64
1 0 
0 
tpwr7 1 1 9.99999984307e+17 -9.99999984307e+17 0 2 1 0 1 64
1 25 
0 
tpwr3 1 1 63 -17 0.1 2 1 0 1 64
1 28 
0 
tpwr10 1 1 9.99999984307e+17 -9.99999984307e+17 0 2 1 0 1 64
1 45 
0 
tpwr 7 1 63 -17 0.1 2 1 2 1 64
1 36 
0 
tpwr2 1 1 63 -17 0.1 2 1 0 1 64
1 36 
0 
tpwr5 1 1 9.99999984307e+17 -9.99999984307e+17 0 2 1 0 1 64
1 39 
0 
tpwr4 1 1 63 -17 0.1 2 1 0 1 64
1 33 
0 
tpwr6 1 1 9.99999984307e+17 -9.99999984307e+17 0 2 1 0 1 64
1 28 
0 
trace 2 2 2 0 0 4 1 3 1 64
1 "f2"
3 "f1" "f2" "f3" 
tpwr9 1 1 9.99999984307e+17 -9.99999984307e+17 0 2 1 0 1 64
1 36 
0 
tpwr8 1 1 9.99999984307e+17 -9.99999984307e+17 0 2 1 0 1 64
1 47 
0 
tpwr_cf 1 1 9.99999984307e+17 -9.99999984307e+17 0 2 1 0 1 64
1 1 
0 
username 2 2 8 0 0 2 1 0 1 64
1 "georgeg"
0 
tunemethod 2 2 8 0 0 2 1 0 1 64
1 "n"
0 
vent_open_delay 3 1 14 14 14 2 1 8192 1 64
1 0.25 
0 
vpf 1 1 500 -500 0 4 1 0 1 64
1 0 
0 
vjdialogarg 2 2 8 0 0 4 1 256 1 64
1 ""
0 
view 7 1 8 1 1 2 1 0 1 64
1 1 
0 
vf 1 1 1000000000 0 0 4 1 3 1 64
1 159.260267587 
0 
vjdialog 2 2 8 0 0 4 1 256 1 64
1 ""
0 
vo 1 1 500 -500 0 4 1 1 1 64
1 0 
0 
vloc_ 2 2 8 0 0 2 1 8 1 64
1 "A0"
0 
vp 7 1 500 -500 0.1 4 1 3 1 64
1 77.1272720586 
0 
vs 1 1 1000000000 1e-06 0 4 1 3 1 64
1 474.137931034 
0 
vproto_ 2 2 8 0 0 2 1 0 1 64
1 ""
0 
vpfi 1 1 500 -500 0 4 1 0 1 64
1 0 
0 
vrack_ 7 1 5 1 0 2 1 0 1 64
1 1 
0 
vsproj 1 1 1000000000 1e-06 0 4 1 3 1 64
1 4.45071601868 
0 
vs2d 1 1 1000000000 1e-06 0 4 1 3 1 64
1 729.711676065 
0 
vtc 1 1 255 0 1 2 1 2 1 64
1 25 
0 
x4 7 1 19 19 19 2 1 8192 1 64
1 0 
0 
whenemail 2 2 8 0 0 2 1 0 1 64
1 "never"
0 
wds 2 2 8 0 0 3 1 0 1 64
1 ""
0 
wc 1 1 2 2 2 4 1 8203 1 64
1 360 
0 
vzone_ 7 1 15 1 0 2 1 0 1 64
1 1 
0 
vtwait 3 1 14 14 14 2 1 8194 1 64
1 300 
0 
wbs 2 2 6 0 0 3 1 3 1 64
1 ""
0 
wdone 2 2 8 0 0 3 1 0 1 64
1 ""
0 
wc2 1 1 4 4 4 4 1 8195 1 64
1 170 
0 
wf1 1 1 9.99999984307e+17 -9.99999984307e+17 0 4 1 0 1 64
1 0.4 
0 
wexp 2 2 6 0 0 3 1 3 1 64
1 "gmapauto('shim')"
0 
werr 2 2 6 0 0 3 1 3 1 64
1 ""
0 
wf 1 1 8190 0 1e-07 4 1 3 1 64
1 0.5 
0 
wgdelay 3 1 14 14 14 2 1 8192 1 64
1 0.000175 
0 
wf2 1 1 9.99999984307e+17 -9.99999984307e+17 0 4 1 0 1 64
1 0 
0 
whatemail 2 2 8 0 0 2 1 0 1 64
1 "message"
0 
wstart 2 2 8 0 0 3 1 0 1 64
1 ""
0 
wp2 1 1 9.99999984307e+17 -9.99999984307e+17 0 4 1 0 1 64
1 1000 
0 
wp 1 1 5000000 0 0 4 1 11 1 64
1 473.14453125 
0 
wnt 2 2 6 0 0 3 1 3 1 64
1 "wft f vsadj dssh"
0 
wp1 1 1 100000 0 0 4 1 3 1 64
1 305 
0 
wrtp 2 2 8 0 0 3 1 0 1 64
1 ""
0 
wqinit 2 2 8 0 0 4 1 0 1 64
1 ""
0 
wshim 4 2 4 0 0 2 1 1 1 64
1 "n"
15 "e" "f" "g" "n" "s" "0" "1" "2" "3" "4" "5" "6" "7" "8" "9" 
wtune 4 2 4 0 0 2 1 0 1 64
1 "n"
10 "s" "t" "e" "v" "i" "n" "1" "2" "3" "4" 
wtfile1 2 2 15 0 0 3 2 1 1 64
1 ""
0 
wtfile 2 2 15 0 0 3 1 1 1 64
1 ""
0 
wtfile2 2 2 8 0 0 3 1 1 1 64
1 ""
0 
x2y2 7 1 19 19 19 2 1 8192 1 64
1 -1869 
0 
x1 7 1 19 19 19 2 1 8192 1 64
1 4130 
0 
x3 7 1 19 19 19 2 1 8192 1 64
1 -322 
0 
z3x3 7 1 19 19 19 2 1 8192 1 64
1 0 
0 
z2x2y2 7 1 19 19 19 2 1 8192 1 64
1 9687 
0 
y4 7 1 19 19 19 2 1 8192 1 64
1 0 
0 
xz2 7 1 19 19 19 2 1 8192 1 64
1 2986 
0 
xy 7 1 19 19 19 2 1 8192 1 64
1 3943 
0 
xdiag 1 1 1e+18 0 0 4 1 17 1 64
1 0 
0 
xz 7 1 19 19 19 2 1 8192 1 64
1 2416 
0 
y3 7 1 19 19 19 2 1 8192 1 64
1 -2408 
0 
y1 7 1 19 19 19 2 1 8192 1 64
1 3585 
0 
z1 7 1 19 19 19 2 1 8192 1 64
1 14586 
0 
yz2 7 1 19 19 19 2 1 8192 1 64
1 -8193 
0 
yz 7 1 19 19 19 2 1 8192 1 64
1 -952 
0 
z0_ 1 1 19 19 19 2 1 73744 1 64
1 9581 
0 
z2 7 1 19 19 19 2 1 8192 1 64
1 1323 
0 
z1c 7 1 19 19 19 2 1 8192 1 64
1 0 
0 
z2c 7 1 19 19 19 2 1 8192 1 64
1 0 
0 
z3 7 1 19 19 19 2 1 8192 1 64
1 7531 
0 
z2xy 7 1 19 19 19 2 1 8192 1 64
1 -5047 
0 
z2x3 7 1 19 19 19 2 1 8192 1 64
1 0 
0 
z2y3 7 1 19 19 19 2 1 8192 1 64
1 0 
0 
z3x 7 1 19 19 19 2 1 8192 1 64
1 -1108 
0 
z3c 7 1 19 19 19 2 1 8192 1 64
1 0 
0 
z3x2y2 7 1 19 19 19 2 1 8192 1 64
1 0 
0 
z4xy 7 1 19 19 19 2 1 8192 1 64
1 0 
0 
z4 7 1 19 19 19 2 1 8192 1 64
1 9279 
0 
z3y 7 1 19 19 19 2 1 8192 1 64
1 -5280 
0 
z3xy 7 1 19 19 19 2 1 8192 1 64
1 0 
0 
z3y3 7 1 19 19 19 2 1 8192 1 64
1 0 
0 
z4x 7 1 19 19 19 2 1 8192 1 64
1 -15130 
0 
z4c 7 1 19 19 19 2 1 8192 1 64
1 0 
0 
z4x2y2 7 1 19 19 19 2 1 8192 1 64
1 0 
0 
z7 7 1 19 19 19 2 1 8192 1 64
1 -6 
0 
z5y 7 1 19 19 19 2 1 8192 1 64
1 0 
0 
z5 7 1 19 19 19 2 1 8192 1 64
1 -29772 
0 
z4y 7 1 19 19 19 2 1 8192 1 64
1 -2169 
0 
z5x 7 1 19 19 19 2 1 8192 1 64
1 0 
0 
z6 7 1 19 19 19 2 1 8192 1 64
1 20000 
0 
zx2y2 7 1 19 19 19 2 1 8192 1 64
1 262 
0 
zoom 7 1 32767 0 0 4 1 0 1 64
1 0 
0 
z8 7 1 19 19 19 2 1 8192 1 64
1 0 
0 
zxy 7 1 19 19 19 2 1 8192 1 64
1 -14130 
0 
zx3 7 1 19 19 19 2 1 8192 1 64
1 6664 
0 
zy3 7 1 19 19 19 2 1 8192 1 64
1 365 
0 
