##TITLE=Parameter List
##JCAMPDX=4.24
##DATATYPE=Parameter Values
##ORIGIN=Bruker BioSpin MRI GmbH
##OWNER=nmr
$$ Sat Sep 19 09:05:47 2020 CEST (UT+2h)  nmr
$$ /opt/PV5.1/data/nmr/nmr/wf_7T_20200918.4d2/17/pdata/1/reco
##$RECO_mode=FT_MODE
##$RecoAutoDerive=Yes
##$RECO_inp_order=NO_REORDERING
##$RECO_inp_size=( 2 )
128 128
##$RECO_ft_size=( 2 )
128 128
##$RECO_fov=( 2 )
4 3
##$RECO_size=( 2 )
128 128
$$ @vis= RECO_mode RecoAutoDerive RECO_inp_order RECO_ft_size RECO_fov
##$RECO_offset=( 2, 64 )
0 0 0 0 0 0 0 0 0 0 0 0 0 0 0 0 0 0 0 0 0 0 0 0 0 0 0 0 0 0 0 0 0 0 0 0 0 0 0 
0 0 0 0 0 0 0 0 0 0 0 0 0 0 0 0 0 0 0 0 0 0 0 0 0 0 0 0 0 0 0 0 0 0 0 0 0 0 0 
0 0 0 0 0 0 0 0 0 0 0 0 0 0 0 0 0 0 0 0 0 0 0 0 0 0 0 0 0 0 0 0 0 0 0 0 0 0 0 
0 0 0 0 0 0 0 0 0 0 0
##$RECO_regrid_mode=NO_REGRID
##$RECO_regrid_offset=0
##$RECO_ramp_gap=0
##$RECO_ramp_time=0
##$RECO_ne_mode=NO_NAV_DATA
##$RECO_ne_dist=NeNoInterleave
##$RECO_ne_dens=NeCorrPerScan
##$RECO_ne_type=NAV_PHASE
##$RECO_ne_vals=( 1, 2 )
0 0
##$RECO_bc_mode=( 2 )
NO_BC NO_BC
##$RECO_bc_start=( 2 )
96 96
##$RECO_bc_len=( 2 )
32 32
##$RECO_dc_offset=( 2 )
0 0
##$RECO_dc_divisor=1
##$RECO_bc_coroff=( 2 )
0 0
##$RECO_qopts=( 2 )
CONJ_AND_QNEG NO_QOPTS
##$RECO_wdw_mode=( 2 )
NO_WDW NO_WDW
$$ @vis= RECO_size RECO_regrid_mode RECO_ne_mode RECO_bc_mode RECO_qopts
##$RECO_lb=( 2 )
-0.5 -0.5
##$RECO_sw=( 2 )
100000 1
##$RECO_gb=( 2 )
0.5 0.5
##$RECO_sbs=( 2 )
1 1
##$RECO_tm1=( 2 )
0.25 0.25
##$RECO_tm2=( 2 )
0.75 0.75
##$RECO_ft_mode=( 2 )
COMPLEX_FFT COMPLEX_FFT
##$RECO_pc_mode=( 2 )
NO_PC NO_PC
##$RECO_pc_lin=( 2 )
(0, 0) (0, 0)
##$RECO_rotate=( 2, 64 )
0 0 0 0 0 0 0 0 0 0 0 0 0 0 0 0 0 0 0 0 0 0 0 0 0 0 0 0 0 0 0 0 0 0 0 0 0 0 0 
0 0 0 0 0 0 0 0 0 0 0 0 0 0 0 0 0 0 0 0 0 0 0 0 0 0.5 0.5 0.5 0.5 0.5 0.5 0.5 
0.5 0.5 0.5 0.5 0.5 0.5 0.5 0.5 0.5 0.5 0.5 0.5 0.5 0.5 0.5 0.5 0.5 0.5 0.5 
0.5 0.5 0.5 0.5 0.5 0.5 0.5 0.5 0.5 0.5 0.5 0.5 0.5 0.5 0.5 0.5 0.5 0.5 0.5 
0.5 0.5 0.5 0.5 0.5 0.5 0.5 0.5 0.5 0.5 0.5 0.5 0.5 0.5 0.5 0.5 0.5 0.5 0.5
##$RECO_ppc_mode=NO_PPC
##$RECO_ref_image=0
##$RECO_nr_supports=0.4
##$RECO_sig_threshold=0.15
##$RECO_ppc_degree=1
##$RECO_ppc_coeffs=( 64, 2, 2 )
0 0 0 0 0 0 0 0 0 0 0 0 0 0 0 0 0 0 0 0 0 0 0 0 0 0 0 0 0 0 0 0 0 0 0 0 0 0 0 
0 0 0 0 0 0 0 0 0 0 0 0 0 0 0 0 0 0 0 0 0 0 0 0 0 0 0 0 0 0 0 0 0 0 0 0 0 0 0 
0 0 0 0 0 0 0 0 0 0 0 0 0 0 0 0 0 0 0 0 0 0 0 0 0 0 0 0 0 0 0 0 0 0 0 0 0 0 0 
0 0 0 0 0 0 0 0 0 0 0 0 0 0 0 0 0 0 0 0 0 0 0 0 0 0 0 0 0 0 0 0 0 0 0 0 0 0 0 
0 0 0 0 0 0 0 0 0 0 0 0 0 0 0 0 0 0 0 0 0 0 0 0 0 0 0 0 0 0 0 0 0 0 0 0 0 0 0 
0 0 0 0 0 0 0 0 0 0 0 0 0 0 0 0 0 0 0 0 0 0 0 0 0 0 0 0 0 0 0 0 0 0 0 0 0 0 0 
0 0 0 0 0 0 0 0 0 0 0 0 0 0 0 0 0 0 0 0 0 0
##$RECO_dc_elim=No
$$ @vis= RECO_wdw_mode RECO_ft_mode RECO_pc_mode RECO_rotate RECO_ppc_mode
##$RECO_transposition=( 64 )
1 1 1 1 1 1 1 1 1 1 1 1 1 1 1 1 1 1 1 1 1 1 1 1 1 1 1 1 1 1 1 1 1 1 1 1 1 1 1 
1 1 1 1 1 1 1 1 1 1 1 1 1 1 1 1 1 1 1 1 1 1 1 1 1
##$RECO_image_type=MAGNITUDE_IMAGE
##$RECO_image_threshold=0.15
##$RECO_ir_scale=10
##$RECO_wordtype=_16BIT_SGN_INT
##$RECO_map_mode=ABSOLUTE_MAPPING
$$ @vis= RECO_dc_elim RECO_transposition RECO_image_type RECO_wordtype
##$RECO_map_range=( 2 )
-2147483647 2147483647
##$RECO_map_percentile=( 2 )
1 99.99
##$RECO_map_error=0.0025
##$RECO_globex=( 256 )
0 0 0 0 0 0 0 0 0 0 0 0 0 0 0 0 0 0 0 0 0 0 0 0 0 0 0 0 0 0 0 0 0 0 0 0 0 0 0 
0 0 0 0 0 0 0 0 0 0 0 0 0 0 0 0 0 0 0 0 0 0 0 0 0 0 0 0 0 0 0 0 0 0 0 0 0 0 0 
0 0 0 0 0 0 0 0 0 0 0 0 0 0 0 0 0 0 0 0 0 0 0 0 0 0 0 0 0 0 0 0 0 0 0 0 0 0 0 
0 0 0 0 0 0 0 0 0 0 0 0 0 0 0 0 0 0 0 0 0 0 0 0 0 0 0 0 0 0 0 0 0 0 0 0 0 0 0 
0 0 0 0 0 0 0 0 0 0 0 0 0 0 0 0 0 0 0 0 0 0 0 0 0 0 0 0 0 0 0 0 0 0 0 0 0 0 0 
0 0 0 0 0 0 0 0 0 0 0 0 0 0 0 0 0 0 0 0 0 0 0 0 0 0 0 0 0 0 0 0 0 0 0 0 0 0 0 
0 0 0 0 0 0 0 0 0 0 0 0 0 0 0 0 0 0 0 0 0 0
##$RECO_minima=( 256 )
0 0 0 0 0 0 0 0 0 0 0 0 0 0 0 0 0 0 0 0 0 0 0 0 0 0 0 0 0 0 0 0 0 0 0 0 0 0 0 
0 0 0 0 0 0 0 0 0 0 0 0 0 0 0 0 0 0 0 0 0 0 0 0 0 0 0 0 0 0 0 0 0 0 0 0 0 0 0 
0 0 0 0 0 0 0 0 0 0 0 0 0 0 0 0 0 0 0 0 0 0 0 0 0 0 0 0 0 0 0 0 0 0 0 0 0 0 0 
0 0 0 0 0 0 0 0 0 0 0 0 0 0 0 0 0 0 0 0 0 0 0 0 0 0 0 0 0 0 0 0 0 0 0 0 0 0 0 
0 0 0 0 0 0 0 0 0 0 0 0 0 0 0 0 0 0 0 0 0 0 0 0 0 0 0 0 0 0 0 0 0 0 0 0 0 0 0 
0 0 0 0 0 0 0 0 0 0 0 0 0 0 0 0 0 0 0 0 0 0 0 0 0 0 0 0 0 0 0 0 0 0 0 0 0 0 0 
0 0 0 0 0 0 0 0 0 0 0 0 0 0 0 0 0 0 0 0 0 0
##$RECO_maxima=( 256 )
31129 32411 31100 31838 30362 30782 30307 30360 30177 29875 29764 29290 29290 
29073 29002 28837 28445 28555 28269 28268 27853 27781 27716 26990 27328 26893 
26365 26644 26284 25976 26246 25758 25858 25315 25641 25180 25003 24737 24752 
24437 24262 24178 24389 23792 23737 23534 23490 23179 23078 22676 22841 22607 
22476 22483 22201 22237 21974 21841 21684 21371 21388 21498 21004 20958 31404 
32570 31317 31879 30517 30951 30458 30053 30077 29792 29855 29393 29313 29199 
28744 28809 28357 28365 28074 27844 27843 27404 27583 27111 27074 26947 26603 
26490 26376 26170 26068 25711 25637 25540 25428 25293 25006 24912 24549 24529 
24316 24299 23957 23894 23798 23626 23153 23253 22893 23078 22728 22653 22439 
22455 22094 22195 21779 21693 21673 21221 21204 21254 20897 20773 31263 32516 
31339 31829 30464 30859 30425 30170 29961 29628 29666 29329 29304 29073 28594 
28622 28523 28389 28031 28058 27611 27495 27468 27229 26951 26960 26478 26639 
26399 26126 25948 25593 25464 25459 25275 25097 24934 24783 24631 24570 24327 
24240 24280 23807 23600 23556 23194 23138 23139 22746 22932 22597 22471 22328 
22287 21995 21845 21699 21549 21540 21374 21201 21043 20925 31383 32767 31173 
31744 30292 31149 30340 30297 30067 29699 29631 29534 29302 29264 28806 28958 
28430 28517 28094 27976 27679 27656 27270 27506 26979 27008 26827 26684 26253 
26109 26161 25737 25921 25337 25408 25063 25231 24868 24666 24378 24303 24011 
23876 23603 23609 23473 23546 23104 23132 22809 22606 22443 22529 22230 22026 
21990 21889 21683 21750 21392 21092 21283 20956 21022
##$RECO_map_min=( 256 )
-914923 -914923 -914923 -914923 -914923 -914923 -914923 -914923 -914923 
-914923 -914923 -914923 -914923 -914923 -914923 -914923 -914923 -914923 
-914923 -914923 -914923 -914923 -914923 -914923 -914923 -914923 -914923 
-914923 -914923 -914923 -914923 -914923 -914923 -914923 -914923 -914923 
-914923 -914923 -914923 -914923 -914923 -914923 -914923 -914923 -914923 
-914923 -914923 -914923 -914923 -914923 -914923 -914923 -914923 -914923 
-914923 -914923 -914923 -914923 -914923 -914923 -914923 -914923 -914923 
-914923 -914923 -914923 -914923 -914923 -914923 -914923 -914923 -914923 
-914923 -914923 -914923 -914923 -914923 -914923 -914923 -914923 -914923 
-914923 -914923 -914923 -914923 -914923 -914923 -914923 -914923 -914923 
-914923 -914923 -914923 -914923 -914923 -914923 -914923 -914923 -914923 
-914923 -914923 -914923 -914923 -914923 -914923 -914923 -914923 -914923 
-914923 -914923 -914923 -914923 -914923 -914923 -914923 -914923 -914923 
-914923 -914923 -914923 -914923 -914923 -914923 -914923 -914923 -914923 
-914923 -914923 -914923 -914923 -914923 -914923 -914923 -914923 -914923 
-914923 -914923 -914923 -914923 -914923 -914923 -914923 -914923 -914923 
-914923 -914923 -914923 -914923 -914923 -914923 -914923 -914923 -914923 
-914923 -914923 -914923 -914923 -914923 -914923 -914923 -914923 -914923 
-914923 -914923 -914923 -914923 -914923 -914923 -914923 -914923 -914923 
-914923 -914923 -914923 -914923 -914923 -914923 -914923 -914923 -914923 
-914923 -914923 -914923 -914923 -914923 -914923 -914923 -914923 -914923 
-914923 -914923 -914923 -914923 -914923 -914923 -914923 -914923 -914923 
-914923 -914923 -914923 -914923 -914923 -914923 -914923 -914923 -914923 
-914923 -914923 -914923 -914923 -914923 -914923 -914923 -914923 -914923 
-914923 -914923 -914923 -914923 -914923 -914923 -914923 -914923 -914923 
-914923 -914923 -914923 -914923 -914923 -914923 -914923 -914923 -914923 
-914923 -914923 -914923 -914923 -914923 -914923 -914923 -914923 -914923 
-914923 -914923 -914923 -914923 -914923 -914923 -914923 -914923 -914923 
-914923 -914923 -914923 -914923
##$RECO_map_max=( 256 )
914923 914923 914923 914923 914923 914923 914923 914923 914923 914923 914923 
914923 914923 914923 914923 914923 914923 914923 914923 914923 914923 914923 
914923 914923 914923 914923 914923 914923 914923 914923 914923 914923 914923 
914923 914923 914923 914923 914923 914923 914923 914923 914923 914923 914923 
914923 914923 914923 914923 914923 914923 914923 914923 914923 914923 914923 
914923 914923 914923 914923 914923 914923 914923 914923 914923 914923 914923 
914923 914923 914923 914923 914923 914923 914923 914923 914923 914923 914923 
914923 914923 914923 914923 914923 914923 914923 914923 914923 914923 914923 
914923 914923 914923 914923 914923 914923 914923 914923 914923 914923 914923 
914923 914923 914923 914923 914923 914923 914923 914923 914923 914923 914923 
914923 914923 914923 914923 914923 914923 914923 914923 914923 914923 914923 
914923 914923 914923 914923 914923 914923 914923 914923 914923 914923 914923 
914923 914923 914923 914923 914923 914923 914923 914923 914923 914923 914923 
914923 914923 914923 914923 914923 914923 914923 914923 914923 914923 914923 
914923 914923 914923 914923 914923 914923 914923 914923 914923 914923 914923 
914923 914923 914923 914923 914923 914923 914923 914923 914923 914923 914923 
914923 914923 914923 914923 914923 914923 914923 914923 914923 914923 914923 
914923 914923 914923 914923 914923 914923 914923 914923 914923 914923 914923 
914923 914923 914923 914923 914923 914923 914923 914923 914923 914923 914923 
914923 914923 914923 914923 914923 914923 914923 914923 914923 914923 914923 
914923 914923 914923 914923 914923 914923 914923 914923 914923 914923 914923 
914923 914923 914923 914923 914923 914923 914923 914923 914923 914923 914923 
914923 914923 914923 914923 914923 914923 914923 914923 914923 914923 914923 
914923 914923 914923
$$ @vis= RECO_map_mode RECO_globex RECO_minima RECO_maxima RECO_map_min
##$RECO_map_offset=( 256 )
0 0 0 0 0 0 0 0 0 0 0 0 0 0 0 0 0 0 0 0 0 0 0 0 0 0 0 0 0 0 0 0 0 0 0 0 0 0 0 
0 0 0 0 0 0 0 0 0 0 0 0 0 0 0 0 0 0 0 0 0 0 0 0 0 0 0 0 0 0 0 0 0 0 0 0 0 0 0 
0 0 0 0 0 0 0 0 0 0 0 0 0 0 0 0 0 0 0 0 0 0 0 0 0 0 0 0 0 0 0 0 0 0 0 0 0 0 0 
0 0 0 0 0 0 0 0 0 0 0 0 0 0 0 0 0 0 0 0 0 0 0 0 0 0 0 0 0 0 0 0 0 0 0 0 0 0 0 
0 0 0 0 0 0 0 0 0 0 0 0 0 0 0 0 0 0 0 0 0 0 0 0 0 0 0 0 0 0 0 0 0 0 0 0 0 0 0 
0 0 0 0 0 0 0 0 0 0 0 0 0 0 0 0 0 0 0 0 0 0 0 0 0 0 0 0 0 0 0 0 0 0 0 0 0 0 0 
0 0 0 0 0 0 0 0 0 0 0 0 0 0 0 0 0 0 0 0 0 0
##$RECO_map_slope=( 256 )
0.0358139425516129 0.0358139425516129 0.0358139425516129 0.0358139425516129 
0.0358139425516129 0.0358139425516129 0.0358139425516129 0.0358139425516129 
0.0358139425516129 0.0358139425516129 0.0358139425516129 0.0358139425516129 
0.0358139425516129 0.0358139425516129 0.0358139425516129 0.0358139425516129 
0.0358139425516129 0.0358139425516129 0.0358139425516129 0.0358139425516129 
0.0358139425516129 0.0358139425516129 0.0358139425516129 0.0358139425516129 
0.0358139425516129 0.0358139425516129 0.0358139425516129 0.0358139425516129 
0.0358139425516129 0.0358139425516129 0.0358139425516129 0.0358139425516129 
0.0358139425516129 0.0358139425516129 0.0358139425516129 0.0358139425516129 
0.0358139425516129 0.0358139425516129 0.0358139425516129 0.0358139425516129 
0.0358139425516129 0.0358139425516129 0.0358139425516129 0.0358139425516129 
0.0358139425516129 0.0358139425516129 0.0358139425516129 0.0358139425516129 
0.0358139425516129 0.0358139425516129 0.0358139425516129 0.0358139425516129 
0.0358139425516129 0.0358139425516129 0.0358139425516129 0.0358139425516129 
0.0358139425516129 0.0358139425516129 0.0358139425516129 0.0358139425516129 
0.0358139425516129 0.0358139425516129 0.0358139425516129 0.0358139425516129 
0.0358139425516129 0.0358139425516129 0.0358139425516129 0.0358139425516129 
0.0358139425516129 0.0358139425516129 0.0358139425516129 0.0358139425516129 
0.0358139425516129 0.0358139425516129 0.0358139425516129 0.0358139425516129 
0.0358139425516129 0.0358139425516129 0.0358139425516129 0.0358139425516129 
0.0358139425516129 0.0358139425516129 0.0358139425516129 0.0358139425516129 
0.0358139425516129 0.0358139425516129 0.0358139425516129 0.0358139425516129 
0.0358139425516129 0.0358139425516129 0.0358139425516129 0.0358139425516129 
0.0358139425516129 0.0358139425516129 0.0358139425516129 0.0358139425516129 
0.0358139425516129 0.0358139425516129 0.0358139425516129 0.0358139425516129 
0.0358139425516129 0.0358139425516129 0.0358139425516129 0.0358139425516129 
0.0358139425516129 0.0358139425516129 0.0358139425516129 0.0358139425516129 
0.0358139425516129 0.0358139425516129 0.0358139425516129 0.0358139425516129 
0.0358139425516129 0.0358139425516129 0.0358139425516129 0.0358139425516129 
0.0358139425516129 0.0358139425516129 0.0358139425516129 0.0358139425516129 
0.0358139425516129 0.0358139425516129 0.0358139425516129 0.0358139425516129 
0.0358139425516129 0.0358139425516129 0.0358139425516129 0.0358139425516129 
0.0358139425516129 0.0358139425516129 0.0358139425516129 0.0358139425516129 
0.0358139425516129 0.0358139425516129 0.0358139425516129 0.0358139425516129 
0.0358139425516129 0.0358139425516129 0.0358139425516129 0.0358139425516129 
0.0358139425516129 0.0358139425516129 0.0358139425516129 0.0358139425516129 
0.0358139425516129 0.0358139425516129 0.0358139425516129 0.0358139425516129 
0.0358139425516129 0.0358139425516129 0.0358139425516129 0.0358139425516129 
0.0358139425516129 0.0358139425516129 0.0358139425516129 0.0358139425516129 
0.0358139425516129 0.0358139425516129 0.0358139425516129 0.0358139425516129 
0.0358139425516129 0.0358139425516129 0.0358139425516129 0.0358139425516129 
0.0358139425516129 0.0358139425516129 0.0358139425516129 0.0358139425516129 
0.0358139425516129 0.0358139425516129 0.0358139425516129 0.0358139425516129 
0.0358139425516129 0.0358139425516129 0.0358139425516129 0.0358139425516129 
0.0358139425516129 0.0358139425516129 0.0358139425516129 0.0358139425516129 
0.0358139425516129 0.0358139425516129 0.0358139425516129 0.0358139425516129 
0.0358139425516129 0.0358139425516129 0.0358139425516129 0.0358139425516129 
0.0358139425516129 0.0358139425516129 0.0358139425516129 0.0358139425516129 
0.0358139425516129 0.0358139425516129 0.0358139425516129 0.0358139425516129 
0.0358139425516129 0.0358139425516129 0.0358139425516129 0.0358139425516129 
0.0358139425516129 0.0358139425516129 0.0358139425516129 0.0358139425516129 
0.0358139425516129 0.0358139425516129 0.0358139425516129 0.0358139425516129 
0.0358139425516129 0.0358139425516129 0.0358139425516129 0.0358139425516129 
0.0358139425516129 0.0358139425516129 0.0358139425516129 0.0358139425516129 
0.0358139425516129 0.0358139425516129 0.0358139425516129 0.0358139425516129 
0.0358139425516129 0.0358139425516129 0.0358139425516129 0.0358139425516129 
0.0358139425516129 0.0358139425516129 0.0358139425516129 0.0358139425516129 
0.0358139425516129 0.0358139425516129 0.0358139425516129 0.0358139425516129 
0.0358139425516129 0.0358139425516129 0.0358139425516129 0.0358139425516129 
0.0358139425516129 0.0358139425516129 0.0358139425516129 0.0358139425516129 
0.0358139425516129 0.0358139425516129 0.0358139425516129 0.0358139425516129 
0.0358139425516129 0.0358139425516129 0.0358139425516129 0.0358139425516129 
0.0358139425516129 0.0358139425516129 0.0358139425516129 0.0358139425516129 
0.0358139425516129 0.0358139425516129 0.0358139425516129 0.0358139425516129
##$RECO_byte_order=littleEndian
##$RECO_time=( 24 )
<07:57:22 19 Sep 2020>
##$RECO_abs_time=1600495042
$$ @vis= RECO_map_max RECO_map_offset RECO_map_slope RECO_byte_order RECO_time
##$RECO_base_image_uid=( 65 )
<2.16.756.5.5.100.1963592970.14301.1600499147.93>
##$GS_reco_display=Yes
$$ @vis= RECO_abs_time RECO_base_image_uid RecoRegridNGroup GS_reco_display
##$GO_reco_display=Yes
##$GO_reco_each_nr=No
##$GO_max_reco_mem=0
$$ @vis= RECO_GS GO_reco_display GO_reco_each_nr GO_max_reco_mem RECO_GO RECO
##END=
