##TITLE=Parameter List
##JCAMPDX=4.24
##DATATYPE=Parameter Values
##ORIGIN=Bruker BioSpin MRI GmbH
##OWNER=nmr
$$ Sat Sep 19 09:05:47 2020 CEST (UT+2h)  nmr
$$ /opt/PV5.1/data/nmr/nmr/wf_7T_20200918.4d2/17/pdata/1/visu_pars
##$VisuVersion=1
##$VisuUid=( 65 )
<2.16.756.5.5.100.1963592970.14301.1600499147.93>
##$VisuCreator=( 65 )
<ParaVision>
##$VisuCreatorVersion=( 65 )
<5.1>
##$VisuCreationDate=( 21 )
<07:57:22 19 Sep 2020>
$$ @vis= VisuVersion VisuUid VisuCreator VisuCreatorVersion VisuCreationDate
##$VisuCoreFrameCount=256
##$VisuCoreDim=2
##$VisuCoreSize=( 2 )
128 128
##$VisuCoreDimDesc=( 2 )
spatial spatial
$$ @vis= VisuInstance VisuCoreFrameCount VisuCoreDim VisuCoreSize
##$VisuCoreExtent=( 2 )
30 40
##$VisuCoreFrameThickness=( 1 )
0.859090427435431
##$VisuCoreUnits=( 2, 65 )
<mm> <mm>
##$VisuCoreOrientation=( 1, 9 )
0 1 0 0 0 -1 -1 0 0
$$ @vis= VisuCoreDimDesc VisuCoreExtent VisuCoreFrameThickness VisuCoreUnits
##$VisuCorePosition=( 1, 3 )
0 -15 20
##$VisuCoreDataMin=( 256 )
0 0 0 0 0 0 0 0 0 0 0 0 0 0 0 0 0 0 0 0 0 0 0 0 0 0 0 0 0 0 0 0 0 0 0 0 0 0 0 
0 0 0 0 0 0 0 0 0 0 0 0 0 0 0 0 0 0 0 0 0 0 0 0 0 0 0 0 0 0 0 0 0 0 0 0 0 0 0 
0 0 0 0 0 0 0 0 0 0 0 0 0 0 0 0 0 0 0 0 0 0 0 0 0 0 0 0 0 0 0 0 0 0 0 0 0 0 0 
0 0 0 0 0 0 0 0 0 0 0 0 0 0 0 0 0 0 0 0 0 0 0 0 0 0 0 0 0 0 0 0 0 0 0 0 0 0 0 
0 0 0 0 0 0 0 0 0 0 0 0 0 0 0 0 0 0 0 0 0 0 0 0 0 0 0 0 0 0 0 0 0 0 0 0 0 0 0 
0 0 0 0 0 0 0 0 0 0 0 0 0 0 0 0 0 0 0 0 0 0 0 0 0 0 0 0 0 0 0 0 0 0 0 0 0 0 0 
0 0 0 0 0 0 0 0 0 0 0 0 0 0 0 0 0 0 0 0 0 0
##$VisuCoreDataMax=( 256 )
31129 32411 31100 31838 30362 30782 30307 30360 30177 29875 29764 29290 29290 
29073 29002 28837 28445 28555 28269 28268 27853 27781 27716 26990 27328 26893 
26365 26644 26284 25976 26246 25758 25858 25315 25641 25180 25003 24737 24752 
24437 24262 24178 24389 23792 23737 23534 23490 23179 23078 22676 22841 22607 
22476 22483 22201 22237 21974 21841 21684 21371 21388 21498 21004 20958 31404 
32570 31317 31879 30517 30951 30458 30053 30077 29792 29855 29393 29313 29199 
28744 28809 28357 28365 28074 27844 27843 27404 27583 27111 27074 26947 26603 
26490 26376 26170 26068 25711 25637 25540 25428 25293 25006 24912 24549 24529 
24316 24299 23957 23894 23798 23626 23153 23253 22893 23078 22728 22653 22439 
22455 22094 22195 21779 21693 21673 21221 21204 21254 20897 20773 31263 32516 
31339 31829 30464 30859 30425 30170 29961 29628 29666 29329 29304 29073 28594 
28622 28523 28389 28031 28058 27611 27495 27468 27229 26951 26960 26478 26639 
26399 26126 25948 25593 25464 25459 25275 25097 24934 24783 24631 24570 24327 
24240 24280 23807 23600 23556 23194 23138 23139 22746 22932 22597 22471 22328 
22287 21995 21845 21699 21549 21540 21374 21201 21043 20925 31383 32767 31173 
31744 30292 31149 30340 30297 30067 29699 29631 29534 29302 29264 28806 28958 
28430 28517 28094 27976 27679 27656 27270 27506 26979 27008 26827 26684 26253 
26109 26161 25737 25921 25337 25408 25063 25231 24868 24666 24378 24303 24011 
23876 23603 23609 23473 23546 23104 23132 22809 22606 22443 22529 22230 22026 
21990 21889 21683 21750 21392 21092 21283 20956 21022
##$VisuCoreDataOffs=( 256 )
0 0 0 0 0 0 0 0 0 0 0 0 0 0 0 0 0 0 0 0 0 0 0 0 0 0 0 0 0 0 0 0 0 0 0 0 0 0 0 
0 0 0 0 0 0 0 0 0 0 0 0 0 0 0 0 0 0 0 0 0 0 0 0 0 0 0 0 0 0 0 0 0 0 0 0 0 0 0 
0 0 0 0 0 0 0 0 0 0 0 0 0 0 0 0 0 0 0 0 0 0 0 0 0 0 0 0 0 0 0 0 0 0 0 0 0 0 0 
0 0 0 0 0 0 0 0 0 0 0 0 0 0 0 0 0 0 0 0 0 0 0 0 0 0 0 0 0 0 0 0 0 0 0 0 0 0 0 
0 0 0 0 0 0 0 0 0 0 0 0 0 0 0 0 0 0 0 0 0 0 0 0 0 0 0 0 0 0 0 0 0 0 0 0 0 0 0 
0 0 0 0 0 0 0 0 0 0 0 0 0 0 0 0 0 0 0 0 0 0 0 0 0 0 0 0 0 0 0 0 0 0 0 0 0 0 0 
0 0 0 0 0 0 0 0 0 0 0 0 0 0 0 0 0 0 0 0 0 0
$$ @vis= VisuCoreOrientation VisuCorePosition VisuCoreDataMin VisuCoreDataMax
##$VisuCoreDataSlope=( 256 )
27.9220864488421 27.9220864488421 27.9220864488421 27.9220864488421 
27.9220864488421 27.9220864488421 27.9220864488421 27.9220864488421 
27.9220864488421 27.9220864488421 27.9220864488421 27.9220864488421 
27.9220864488421 27.9220864488421 27.9220864488421 27.9220864488421 
27.9220864488421 27.9220864488421 27.9220864488421 27.9220864488421 
27.9220864488421 27.9220864488421 27.9220864488421 27.9220864488421 
27.9220864488421 27.9220864488421 27.9220864488421 27.9220864488421 
27.9220864488421 27.9220864488421 27.9220864488421 27.9220864488421 
27.9220864488421 27.9220864488421 27.9220864488421 27.9220864488421 
27.9220864488421 27.9220864488421 27.9220864488421 27.9220864488421 
27.9220864488421 27.9220864488421 27.9220864488421 27.9220864488421 
27.9220864488421 27.9220864488421 27.9220864488421 27.9220864488421 
27.9220864488421 27.9220864488421 27.9220864488421 27.9220864488421 
27.9220864488421 27.9220864488421 27.9220864488421 27.9220864488421 
27.9220864488421 27.9220864488421 27.9220864488421 27.9220864488421 
27.9220864488421 27.9220864488421 27.9220864488421 27.9220864488421 
27.9220864488421 27.9220864488421 27.9220864488421 27.9220864488421 
27.9220864488421 27.9220864488421 27.9220864488421 27.9220864488421 
27.9220864488421 27.9220864488421 27.9220864488421 27.9220864488421 
27.9220864488421 27.9220864488421 27.9220864488421 27.9220864488421 
27.9220864488421 27.9220864488421 27.9220864488421 27.9220864488421 
27.9220864488421 27.9220864488421 27.9220864488421 27.9220864488421 
27.9220864488421 27.9220864488421 27.9220864488421 27.9220864488421 
27.9220864488421 27.9220864488421 27.9220864488421 27.9220864488421 
27.9220864488421 27.9220864488421 27.9220864488421 27.9220864488421 
27.9220864488421 27.9220864488421 27.9220864488421 27.9220864488421 
27.9220864488421 27.9220864488421 27.9220864488421 27.9220864488421 
27.9220864488421 27.9220864488421 27.9220864488421 27.9220864488421 
27.9220864488421 27.9220864488421 27.9220864488421 27.9220864488421 
27.9220864488421 27.9220864488421 27.9220864488421 27.9220864488421 
27.9220864488421 27.9220864488421 27.9220864488421 27.9220864488421 
27.9220864488421 27.9220864488421 27.9220864488421 27.9220864488421 
27.9220864488421 27.9220864488421 27.9220864488421 27.9220864488421 
27.9220864488421 27.9220864488421 27.9220864488421 27.9220864488421 
27.9220864488421 27.9220864488421 27.9220864488421 27.9220864488421 
27.9220864488421 27.9220864488421 27.9220864488421 27.9220864488421 
27.9220864488421 27.9220864488421 27.9220864488421 27.9220864488421 
27.9220864488421 27.9220864488421 27.9220864488421 27.9220864488421 
27.9220864488421 27.9220864488421 27.9220864488421 27.9220864488421 
27.9220864488421 27.9220864488421 27.9220864488421 27.9220864488421 
27.9220864488421 27.9220864488421 27.9220864488421 27.9220864488421 
27.9220864488421 27.9220864488421 27.9220864488421 27.9220864488421 
27.9220864488421 27.9220864488421 27.9220864488421 27.9220864488421 
27.9220864488421 27.9220864488421 27.9220864488421 27.9220864488421 
27.9220864488421 27.9220864488421 27.9220864488421 27.9220864488421 
27.9220864488421 27.9220864488421 27.9220864488421 27.9220864488421 
27.9220864488421 27.9220864488421 27.9220864488421 27.9220864488421 
27.9220864488421 27.9220864488421 27.9220864488421 27.9220864488421 
27.9220864488421 27.9220864488421 27.9220864488421 27.9220864488421 
27.9220864488421 27.9220864488421 27.9220864488421 27.9220864488421 
27.9220864488421 27.9220864488421 27.9220864488421 27.9220864488421 
27.9220864488421 27.9220864488421 27.9220864488421 27.9220864488421 
27.9220864488421 27.9220864488421 27.9220864488421 27.9220864488421 
27.9220864488421 27.9220864488421 27.9220864488421 27.9220864488421 
27.9220864488421 27.9220864488421 27.9220864488421 27.9220864488421 
27.9220864488421 27.9220864488421 27.9220864488421 27.9220864488421 
27.9220864488421 27.9220864488421 27.9220864488421 27.9220864488421 
27.9220864488421 27.9220864488421 27.9220864488421 27.9220864488421 
27.9220864488421 27.9220864488421 27.9220864488421 27.9220864488421 
27.9220864488421 27.9220864488421 27.9220864488421 27.9220864488421 
27.9220864488421 27.9220864488421 27.9220864488421 27.9220864488421 
27.9220864488421 27.9220864488421 27.9220864488421 27.9220864488421 
27.9220864488421 27.9220864488421 27.9220864488421 27.9220864488421 
27.9220864488421 27.9220864488421 27.9220864488421 27.9220864488421
##$VisuCoreFrameType=MAGNITUDE_IMAGE
##$VisuCoreWordType=_16BIT_SGN_INT
$$ @vis= VisuCoreDataOffs VisuCoreDataSlope VisuCoreFrameType VisuCore
##$VisuCoreByteOrder=littleEndian
##$VisuFGOrderDescDim=2
##$VisuFGOrderDesc=( 2 )
(64, <FG_ECHO>, <>, 0, 1) (4, <FG_CYCLE>, <>, 1, 0)
$$ @vis= VisuCoreWordType VisuCoreByteOrder VisuPixel VisuFGOrderDescDim
##$VisuGroupDepVals=( 1 )
(<VisuAcqEchoTime>, 0)
##$VisuSubjectName=( 65 )
<wf_7T_20200918>
##$VisuSubjectId=( 65 )
<wf_7T_20200918>
$$ @vis= VisuFGOrderDesc VisuGroupDepVals VisuFrameOrderDesc VisuSubjectName
##$VisuSubjectBirthDate=( 9 )
<>
##$VisuSubjectSex=FEMALE
##$VisuSubjectComment=( 2048 )
<>
$$ @vis= VisuSubjectId VisuSubjectBirthDate VisuSubjectSex VisuSubjectComment
##$VisuStudyUid=( 65 )
<2.16.756.5.5.100.1963592970.28189.1600433646.2640>
##$VisuStudyDate=( 21 )
<15:54:06 18 Sep 2020>
##$VisuStudyId=( 65 )
<white spheres cyclo hexane>
##$VisuStudyNumber=2
##$VisuSubjectWeight=5
$$ @vis= VisuSubject VisuStudyUid VisuStudyDate VisuStudyId VisuStudyNumber
##$VisuStudyReferringPhysician=( 65 )
<>
##$VisuStudyDescription=( 65 )
<>
$$ @vis= VisuSubjectWeight VisuStudyReferringPhysician VisuStudyDescription
##$VisuSeriesNumber=1114113
##$VisuSubjectPosition=Head_Supine
##$VisuSeriesTypeId=( 65 )
<ACQ_USER_PVM>
$$ @vis= VisuStudy VisuSeriesNumber VisuSubjectPosition VisuSeriesTypeId
##$VisuAcqSoftwareVersion=( 65 )
<5.1>
##$VisuInstitution=( 65 )
<Unilever>
##$VisuStation=( 65 )
<spect>
$$ @vis= VisuSeries VisuAcqSoftwareVersion VisuInstitution VisuStation
##$VisuAcqDate=( 21 )
<07:57:22 19 Sep 2020>
##$VisuAcqEchoTrainLength=1
##$VisuAcqSequenceName=( 40 )
<mic_msme (pvm)>
##$VisuAcqNumberOfAverages=1
$$ @vis= VisuEquipment VisuAcqDate VisuAcqEchoTrainLength VisuAcqSequenceName
##$VisuAcqImagingFrequency=300.127175186866
##$VisuAcqImagedNucleus=( 8 )
<1H>
##$VisuAcqRepetitionTime=( 1 )
8000
$$ @vis= VisuAcqNumberOfAverages VisuAcqImagingFrequency VisuAcqImagedNucleus
##$VisuAcqPhaseEncSteps=128
##$VisuAcqPixelBandwidth=781.25
##$VisuAcqFlipAngle=180
$$ @vis= VisuAcqRepetitionTime VisuAcqPhaseEncSteps VisuAcqPixelBandwidth
##$VisuAcqSize=( 2 )
128 128
##$VisuAcqImageSizeAccellerated=No
##$VisuAcqImagePhaseEncDir=( 256 )
row_dir row_dir row_dir row_dir row_dir row_dir row_dir row_dir row_dir 
row_dir row_dir row_dir row_dir row_dir row_dir row_dir row_dir row_dir 
row_dir row_dir row_dir row_dir row_dir row_dir row_dir row_dir row_dir 
row_dir row_dir row_dir row_dir row_dir row_dir row_dir row_dir row_dir 
row_dir row_dir row_dir row_dir row_dir row_dir row_dir row_dir row_dir 
row_dir row_dir row_dir row_dir row_dir row_dir row_dir row_dir row_dir 
row_dir row_dir row_dir row_dir row_dir row_dir row_dir row_dir row_dir 
row_dir row_dir row_dir row_dir row_dir row_dir row_dir row_dir row_dir 
row_dir row_dir row_dir row_dir row_dir row_dir row_dir row_dir row_dir 
row_dir row_dir row_dir row_dir row_dir row_dir row_dir row_dir row_dir 
row_dir row_dir row_dir row_dir row_dir row_dir row_dir row_dir row_dir 
row_dir row_dir row_dir row_dir row_dir row_dir row_dir row_dir row_dir 
row_dir row_dir row_dir row_dir row_dir row_dir row_dir row_dir row_dir 
row_dir row_dir row_dir row_dir row_dir row_dir row_dir row_dir row_dir 
row_dir row_dir row_dir row_dir row_dir row_dir row_dir row_dir row_dir 
row_dir row_dir row_dir row_dir row_dir row_dir row_dir row_dir row_dir 
row_dir row_dir row_dir row_dir row_dir row_dir row_dir row_dir row_dir 
row_dir row_dir row_dir row_dir row_dir row_dir row_dir row_dir row_dir 
row_dir row_dir row_dir row_dir row_dir row_dir row_dir row_dir row_dir 
row_dir row_dir row_dir row_dir row_dir row_dir row_dir row_dir row_dir 
row_dir row_dir row_dir row_dir row_dir row_dir row_dir row_dir row_dir 
row_dir row_dir row_dir row_dir row_dir row_dir row_dir row_dir row_dir 
row_dir row_dir row_dir row_dir row_dir row_dir row_dir row_dir row_dir 
row_dir row_dir row_dir row_dir row_dir row_dir row_dir row_dir row_dir 
row_dir row_dir row_dir row_dir row_dir row_dir row_dir row_dir row_dir 
row_dir row_dir row_dir row_dir row_dir row_dir row_dir row_dir row_dir 
row_dir row_dir row_dir row_dir row_dir row_dir row_dir row_dir row_dir 
row_dir row_dir row_dir row_dir row_dir row_dir row_dir row_dir row_dir 
row_dir row_dir row_dir row_dir
$$ @vis= VisuAcqFlipAngle VisuAcqSize VisuAcqImageSizeAccellerated
##$VisuAcqEchoTime=( 64 )
3.2288422705314 6.4576845410628 9.6865268115942 12.9153690821256 
16.144211352657 19.3730536231884 22.6018958937198 25.8307381642512 
29.0595804347826 32.288422705314 35.5172649758454 38.7461072463768 
41.9749495169082 45.2037917874396 48.432634057971 51.6614763285024 
54.8903185990338 58.1191608695652 61.3480031400966 64.576845410628 
67.8056876811594 71.0345299516908 74.2633722222222 77.4922144927536 
80.721056763285 83.9498990338164 87.1787413043478 90.4075835748792 
93.6364258454106 96.865268115942 100.094110386473 103.322952657005 
106.551794927536 109.780637198068 113.009479468599 116.23832173913 
119.467164009662 122.696006280193 125.924848550725 129.153690821256 
132.382533091787 135.611375362319 138.84021763285 142.069059903382 
145.297902173913 148.526744444444 151.755586714976 154.984428985507 
158.213271256039 161.44211352657 164.670955797101 167.899798067633 
171.128640338164 174.357482608696 177.586324879227 180.815167149758 
184.04400942029 187.272851690821 190.501693961353 193.730536231884 
196.959378502415 200.188220772947 203.417063043478 206.64590531401
##$VisuAcquisitionProtocol=( 65 )
<mic_flash_ortho>
##$VisuAcqScanTime=4096000
$$ @vis= VisuAcqImagePhaseEncDir VisuAcqEchoTime VisuAcquisitionProtocol
$$ @vis= VisuAcqScanTime VisuAcquisition Visu
##END=
